{
  "aor": 0.0013475096153846152,
  "aqi": 0.0013482583519230768,
  "bids_meta": {
    "AcquisitionMatrixPE": 64,
    "AcquisitionNumber": 1,
    "BandwidthPerPixelPhaseEncode": 40.064,
    "BaseResolution": 64,
    "ConversionSoftware": "dcm2niix",
    "ConversionSoftwareVersion": "v1.0.20180518 GCC4.8.5",
    "DerivedVendorReportedEchoSpacing": 0.000780002,
    "DwellTime": 5.4e-06,
    "EchoTime": 0.028,
    "EchoTrainLength": 32,
    "EffectiveEchoSpacing": 0.000390001,
    "FlipAngle": 64,
    "ImageOrientationPatientDICOM": [
      0.999491,
      0.00147636,
      -0.0318736,
      0.0107068,
      0.925494,
      0.378611
    ],
    "InPlanePhaseEncodingDirectionDICOM": "COL",
    "InstitutionName": "Princeton_University",
    "InstitutionalDepartmentName": "NeuroScience",
    "MagneticFieldStrength": 3,
    "Manufacturer": "Siemens",
    "ManufacturersModelName": "Skyra",
    "Modality": "MR",
    "ParallelReductionFactorInPlane": 2,
    "PartialFourier": 1,
    "PercentPhaseFOV": 100,
    "PhaseEncodingDirection": "j-",
    "PhaseEncodingSteps": 64,
    "PhaseResolution": 1,
    "PixelBandwidth": 1445,
    "ReconMatrixPE": 64,
    "RepetitionTime": 1.5,
    "SAR": 0.0913263,
    "ShimSetting": [
      3179,
      10389,
      10180,
      809,
      -186,
      -309,
      683,
      -15
    ],
    "SliceThickness": 4,
    "SliceTiming": [
      0,
      0.7775,
      0.055,
      0.8325,
      0.1125,
      0.89,
      0.1675,
      0.945,
      0.2225,
      1,
      0.2775,
      1.055,
      0.3325,
      1.11,
      0.39,
      1.1675,
      0.445,
      1.2225,
      0.5,
      1.2775,
      0.555,
      1.3325,
      0.61,
      1.3875,
      0.6675,
      1.445,
      0.7225
    ],
    "SpacingBetweenSlices": 4,
    "TaskName": "listening",
    "TotalReadoutTime": 0.0245701,
    "TxRefAmp": 336.214,
    "dataset": "ds001554",
    "modality": "bold",
    "subject_id": "19",
    "task_id": "listening"
  },
  "dummy_trs": 0,
  "dvars_nstd": 8.48588638007699,
  "dvars_std": 1.658719290327238,
  "dvars_vstd": 1.1200298551780568,
  "efc": 0.5334150995460843,
  "fber": 1632358528.0,
  "fd_mean": 0.05224157642292122,
  "fd_num": 4,
  "fd_perc": 0.38461538461538464,
  "fwhm_avg": 3.0330252422736543,
  "fwhm_x": 3.0041433333333334,
  "fwhm_y": 3.4669333333333334,
  "fwhm_z": 2.6279990601542975,
  "gcor": 0.0864682,
  "gsr_x": -0.009510761126875877,
  "gsr_y": 0.01956378109753132,
  "provenance": {
    "md5sum": "17a17bd1d18c866b76ec0139a3506763",
    "settings": {
      "fd_thres": 0.2,
      "testing": false
    },
    "software": "mriqc",
    "version": "22.0.6",
    "webapi_port": null,
    "webapi_url": "https://mriqc.nimh.nih.gov/api/v1"
  },
  "size_t": 1040,
  "size_x": 64,
  "size_y": 64,
  "size_z": 27,
  "snr": 9.077226543867488,
  "spacing_tr": 1.5,
  "spacing_x": 3.0,
  "spacing_y": 3.0,
  "spacing_z": 4.000001430511475,
  "summary_bg_k": 40.10528773745033,
  "summary_bg_mad": 0.3286134791331779,
  "summary_bg_mean": 85.17076110839844,
  "summary_bg_median": 0.22989261150360107,
  "summary_bg_n": 56382.0,
  "summary_bg_p05": 0.0006064514629542828,
  "summary_bg_p95": 685.235229492187,
  "summary_bg_stdv": 371.75469970703125,
  "summary_fg_k": 1.2794861764957943,
  "summary_fg_mad": 1028.0557795517532,
  "summary_fg_mean": 10233.3076171875,
  "summary_fg_median": 10141.6943359375,
  "summary_fg_n": 26749.0,
  "summary_fg_p05": 8614.7875,
  "summary_fg_p95": 12143.33046875,
  "summary_fg_stdv": 1117.2470703125,
  "tsnr": 193.22808837890625
}