{
  "aor": 0.0006596538461538461,
  "aqi": 0.0009041871663461538,
  "bids_meta": {
    "AcquisitionMatrixPE": 64,
    "AcquisitionNumber": 1,
    "BandwidthPerPixelPhaseEncode": 40.064,
    "BaseResolution": 64,
    "ConversionSoftware": "dcm2niix",
    "ConversionSoftwareVersion": "v1.0.20180518 GCC4.8.5",
    "DerivedVendorReportedEchoSpacing": 0.000780002,
    "DwellTime": 5.4e-06,
    "EchoTime": 0.028,
    "EchoTrainLength": 32,
    "EffectiveEchoSpacing": 0.000390001,
    "FlipAngle": 64,
    "ImageOrientationPatientDICOM": [
      0.999491,
      0.00147636,
      -0.0318736,
      0.0107068,
      0.925494,
      0.378611
    ],
    "InPlanePhaseEncodingDirectionDICOM": "COL",
    "InstitutionName": "Princeton_University",
    "InstitutionalDepartmentName": "NeuroScience",
    "MagneticFieldStrength": 3,
    "Manufacturer": "Siemens",
    "ManufacturersModelName": "Skyra",
    "Modality": "MR",
    "ParallelReductionFactorInPlane": 2,
    "PartialFourier": 1,
    "PercentPhaseFOV": 100,
    "PhaseEncodingDirection": "j-",
    "PhaseEncodingSteps": 64,
    "PhaseResolution": 1,
    "PixelBandwidth": 1445,
    "ReconMatrixPE": 64,
    "RepetitionTime": 1.5,
    "SAR": 0.0913263,
    "ShimSetting": [
      3179,
      10389,
      10180,
      809,
      -186,
      -309,
      683,
      -15
    ],
    "SliceThickness": 4,
    "SliceTiming": [
      0,
      0.7775,
      0.055,
      0.8325,
      0.1125,
      0.89,
      0.1675,
      0.945,
      0.2225,
      1,
      0.2775,
      1.055,
      0.3325,
      1.11,
      0.39,
      1.1675,
      0.445,
      1.2225,
      0.5,
      1.2775,
      0.555,
      1.3325,
      0.61,
      1.3875,
      0.6675,
      1.445,
      0.7225
    ],
    "SpacingBetweenSlices": 4,
    "TaskName": "listening",
    "TotalReadoutTime": 0.0245701,
    "TxRefAmp": 336.214,
    "dataset": "ds001554",
    "modality": "bold",
    "subject_id": "16",
    "task_id": "listening"
  },
  "dummy_trs": 0,
  "dvars_nstd": 5.439015430827716,
  "dvars_std": 1.177197484302212,
  "dvars_vstd": 1.0084316409047158,
  "efc": 0.5589278964641778,
  "fber": 2064561792.0,
  "fd_mean": 0.05657929051020159,
  "fd_num": 2,
  "fd_perc": 0.19230769230769232,
  "fwhm_avg": 2.9075517172645555,
  "fwhm_x": 2.9532166666666666,
  "fwhm_y": 3.2227633333333334,
  "fwhm_z": 2.546675151793668,
  "gcor": 0.0974482,
  "gsr_x": -0.00611391756683588,
  "gsr_y": 0.026572488248348236,
  "provenance": {
    "md5sum": "0dd4d531cde289aa8289ba11a7801d01",
    "settings": {
      "fd_thres": 0.2,
      "testing": false
    },
    "software": "mriqc",
    "version": "22.0.6",
    "webapi_port": null,
    "webapi_url": "https://mriqc.nimh.nih.gov/api/v1"
  },
  "size_t": 1040,
  "size_x": 64,
  "size_y": 64,
  "size_z": 27,
  "snr": 8.984063574075783,
  "spacing_tr": 1.5,
  "spacing_x": 3.0,
  "spacing_y": 3.0,
  "spacing_z": 3.999999761581421,
  "summary_bg_k": 52.203290877754156,
  "summary_bg_mad": 0.24512200557878125,
  "summary_bg_mean": 90.45804595947266,
  "summary_bg_median": 0.1654142290353775,
  "summary_bg_n": 53371.0,
  "summary_bg_p05": 3.57186559085676e-06,
  "summary_bg_p95": 657.3298645019531,
  "summary_bg_stdv": 421.4642028808594,
  "summary_fg_k": 1.8479596011811878,
  "summary_fg_mad": 1048.275056877369,
  "summary_fg_mean": 10356.404296875,
  "summary_fg_median": 10223.7431640625,
  "summary_fg_n": 29595.0,
  "summary_fg_p05": 8850.066015625,
  "summary_fg_p95": 12364.867089843749,
  "summary_fg_stdv": 1137.96728515625,
  "tsnr": 234.9849090576172
}