{
  "aor": 0.0004856730769230769,
  "aqi": 0.0006292455576923077,
  "bids_meta": {
    "AcquisitionMatrixPE": 64,
    "AcquisitionNumber": 1,
    "BandwidthPerPixelPhaseEncode": 40.064,
    "BaseResolution": 64,
    "ConversionSoftware": "dcm2niix",
    "ConversionSoftwareVersion": "v1.0.20180518 GCC4.8.5",
    "DerivedVendorReportedEchoSpacing": 0.000780002,
    "DwellTime": 5.4e-06,
    "EchoTime": 0.028,
    "EchoTrainLength": 32,
    "EffectiveEchoSpacing": 0.000390001,
    "FlipAngle": 64,
    "ImageOrientationPatientDICOM": [
      0.999491,
      0.00147636,
      -0.0318736,
      0.0107068,
      0.925494,
      0.378611
    ],
    "InPlanePhaseEncodingDirectionDICOM": "COL",
    "InstitutionName": "Princeton_University",
    "InstitutionalDepartmentName": "NeuroScience",
    "MagneticFieldStrength": 3,
    "Manufacturer": "Siemens",
    "ManufacturersModelName": "Skyra",
    "Modality": "MR",
    "ParallelReductionFactorInPlane": 2,
    "PartialFourier": 1,
    "PercentPhaseFOV": 100,
    "PhaseEncodingDirection": "j-",
    "PhaseEncodingSteps": 64,
    "PhaseResolution": 1,
    "PixelBandwidth": 1445,
    "ReconMatrixPE": 64,
    "RepetitionTime": 1.5,
    "SAR": 0.0913263,
    "ShimSetting": [
      3179,
      10389,
      10180,
      809,
      -186,
      -309,
      683,
      -15
    ],
    "SliceThickness": 4,
    "SliceTiming": [
      0,
      0.7775,
      0.055,
      0.8325,
      0.1125,
      0.89,
      0.1675,
      0.945,
      0.2225,
      1,
      0.2775,
      1.055,
      0.3325,
      1.11,
      0.39,
      1.1675,
      0.445,
      1.2225,
      0.5,
      1.2775,
      0.555,
      1.3325,
      0.61,
      1.3875,
      0.6675,
      1.445,
      0.7225
    ],
    "SpacingBetweenSlices": 4,
    "TaskName": "listening",
    "TotalReadoutTime": 0.0245701,
    "TxRefAmp": 336.214,
    "dataset": "ds001554",
    "modality": "bold",
    "subject_id": "20",
    "task_id": "listening"
  },
  "dummy_trs": 0,
  "dvars_nstd": 7.089918856092398,
  "dvars_std": 1.591782771963427,
  "dvars_vstd": 1.006288718719923,
  "efc": 0.5873118596872393,
  "fber": 2315281408.0,
  "fd_mean": 0.029444896786651555,
  "fd_num": 0,
  "fd_perc": 0.0,
  "fwhm_avg": 2.9427122222222217,
  "fwhm_x": 2.9562066666666666,
  "fwhm_y": 3.26253,
  "fwhm_z": 2.6094,
  "gcor": 0.0932197,
  "gsr_x": -0.007596276700496674,
  "gsr_y": 0.023594968020915985,
  "provenance": {
    "md5sum": "00b54754af2390a4981a6b38e4c750cf",
    "settings": {
      "fd_thres": 0.2,
      "testing": false
    },
    "software": "mriqc",
    "version": "22.0.6",
    "webapi_port": null,
    "webapi_url": "https://mriqc.nimh.nih.gov/api/v1"
  },
  "size_t": 1040,
  "size_x": 64,
  "size_y": 64,
  "size_z": 27,
  "snr": 7.992317672038235,
  "spacing_tr": 1.5,
  "spacing_x": 3.0,
  "spacing_y": 3.0,
  "spacing_z": 4.0,
  "summary_bg_k": 30.31840080520943,
  "summary_bg_mad": 0.25268344945078336,
  "summary_bg_mean": 106.01019287109375,
  "summary_bg_median": 0.171725332736969,
  "summary_bg_n": 49709.0,
  "summary_bg_p05": 0.000279864895856008,
  "summary_bg_p95": 864.895617675781,
  "summary_bg_stdv": 415.01031494140625,
  "summary_fg_k": 1.3519375237218672,
  "summary_fg_mad": 1212.4370562336392,
  "summary_fg_mean": 10323.0263671875,
  "summary_fg_median": 10196.734375,
  "summary_fg_n": 32363.0,
  "summary_fg_p05": 8491.81630859375,
  "summary_fg_p95": 12524.8236328125,
  "summary_fg_stdv": 1275.7972412109375,
  "tsnr": 264.5028076171875
}