{
  "aor": 0.0013568173076923076,
  "aqi": 0.001666226575,
  "bids_meta": {
    "AcquisitionMatrixPE": 64,
    "AcquisitionNumber": 1,
    "BandwidthPerPixelPhaseEncode": 40.064,
    "BaseResolution": 64,
    "ConversionSoftware": "dcm2niix",
    "ConversionSoftwareVersion": "v1.0.20180518 GCC4.8.5",
    "DerivedVendorReportedEchoSpacing": 0.000780002,
    "DwellTime": 5.4e-06,
    "EchoTime": 0.028,
    "EchoTrainLength": 32,
    "EffectiveEchoSpacing": 0.000390001,
    "FlipAngle": 64,
    "ImageOrientationPatientDICOM": [
      0.999491,
      0.00147636,
      -0.0318736,
      0.0107068,
      0.925494,
      0.378611
    ],
    "InPlanePhaseEncodingDirectionDICOM": "COL",
    "InstitutionName": "Princeton_University",
    "InstitutionalDepartmentName": "NeuroScience",
    "MagneticFieldStrength": 3,
    "Manufacturer": "Siemens",
    "ManufacturersModelName": "Skyra",
    "Modality": "MR",
    "ParallelReductionFactorInPlane": 2,
    "PartialFourier": 1,
    "PercentPhaseFOV": 100,
    "PhaseEncodingDirection": "j-",
    "PhaseEncodingSteps": 64,
    "PhaseResolution": 1,
    "PixelBandwidth": 1445,
    "ReconMatrixPE": 64,
    "RepetitionTime": 1.5,
    "SAR": 0.0913263,
    "ShimSetting": [
      3179,
      10389,
      10180,
      809,
      -186,
      -309,
      683,
      -15
    ],
    "SliceThickness": 4,
    "SliceTiming": [
      0,
      0.7775,
      0.055,
      0.8325,
      0.1125,
      0.89,
      0.1675,
      0.945,
      0.2225,
      1,
      0.2775,
      1.055,
      0.3325,
      1.11,
      0.39,
      1.1675,
      0.445,
      1.2225,
      0.5,
      1.2775,
      0.555,
      1.3325,
      0.61,
      1.3875,
      0.6675,
      1.445,
      0.7225
    ],
    "SpacingBetweenSlices": 4,
    "TaskName": "listening",
    "TotalReadoutTime": 0.0245701,
    "TxRefAmp": 336.214,
    "dataset": "ds001554",
    "modality": "bold",
    "subject_id": "09",
    "task_id": "listening"
  },
  "dummy_trs": 0,
  "dvars_nstd": 7.918593072897015,
  "dvars_std": 1.4537554977382088,
  "dvars_vstd": 1.0182040531280083,
  "efc": 0.5316178075957795,
  "fber": 2086536448.0,
  "fd_mean": 0.07647937833385199,
  "fd_num": 29,
  "fd_perc": 2.7884615384615383,
  "fwhm_avg": 3.002259257931201,
  "fwhm_x": 2.96001,
  "fwhm_y": 3.393266666666667,
  "fwhm_z": 2.6535011071269365,
  "gcor": 0.0674643,
  "gsr_x": -0.018094977363944054,
  "gsr_y": 0.03128042817115784,
  "provenance": {
    "md5sum": "4f69076321cddec54060c90d2b271ad4",
    "settings": {
      "fd_thres": 0.2,
      "testing": false
    },
    "software": "mriqc",
    "version": "22.0.6",
    "webapi_port": null,
    "webapi_url": "https://mriqc.nimh.nih.gov/api/v1"
  },
  "size_t": 1040,
  "size_x": 64,
  "size_y": 64,
  "size_z": 27,
  "snr": 9.059292797401676,
  "spacing_tr": 1.5,
  "spacing_x": 3.0,
  "spacing_y": 3.0,
  "spacing_z": 3.9999983310699463,
  "summary_bg_k": 46.36879713049781,
  "summary_bg_mad": 0.24937394024780554,
  "summary_bg_mean": 78.26605987548828,
  "summary_bg_median": 0.16929399967193604,
  "summary_bg_n": 56241.0,
  "summary_bg_p05": 0.0005694716819562018,
  "summary_bg_p95": 583.032958984375,
  "summary_bg_stdv": 348.127685546875,
  "summary_fg_k": 1.6133136589044899,
  "summary_fg_mad": 978.8859429877302,
  "summary_fg_mean": 10304.689453125,
  "summary_fg_median": 10183.234375,
  "summary_fg_n": 26636.0,
  "summary_fg_p05": 8708.540283203125,
  "summary_fg_p95": 12367.90234375,
  "summary_fg_stdv": 1124.0439453125,
  "tsnr": 188.8761749267578
}