{
  "aor": 0.0006778173076923078,
  "aqi": 0.000905343623076923,
  "bids_meta": {
    "AcquisitionMatrixPE": 64,
    "AcquisitionNumber": 1,
    "BandwidthPerPixelPhaseEncode": 40.064,
    "BaseResolution": 64,
    "ConversionSoftware": "dcm2niix",
    "ConversionSoftwareVersion": "v1.0.20180518 GCC4.8.5",
    "DerivedVendorReportedEchoSpacing": 0.000780002,
    "DwellTime": 5.4e-06,
    "EchoTime": 0.028,
    "EchoTrainLength": 32,
    "EffectiveEchoSpacing": 0.000390001,
    "FlipAngle": 64,
    "ImageOrientationPatientDICOM": [
      0.999491,
      0.00147636,
      -0.0318736,
      0.0107068,
      0.925494,
      0.378611
    ],
    "InPlanePhaseEncodingDirectionDICOM": "COL",
    "InstitutionName": "Princeton_University",
    "InstitutionalDepartmentName": "NeuroScience",
    "MagneticFieldStrength": 3,
    "Manufacturer": "Siemens",
    "ManufacturersModelName": "Skyra",
    "Modality": "MR",
    "ParallelReductionFactorInPlane": 2,
    "PartialFourier": 1,
    "PercentPhaseFOV": 100,
    "PhaseEncodingDirection": "j-",
    "PhaseEncodingSteps": 64,
    "PhaseResolution": 1,
    "PixelBandwidth": 1445,
    "ReconMatrixPE": 64,
    "RepetitionTime": 1.5,
    "SAR": 0.0913263,
    "ShimSetting": [
      3179,
      10389,
      10180,
      809,
      -186,
      -309,
      683,
      -15
    ],
    "SliceThickness": 4,
    "SliceTiming": [
      0,
      0.7775,
      0.055,
      0.8325,
      0.1125,
      0.89,
      0.1675,
      0.945,
      0.2225,
      1,
      0.2775,
      1.055,
      0.3325,
      1.11,
      0.39,
      1.1675,
      0.445,
      1.2225,
      0.5,
      1.2775,
      0.555,
      1.3325,
      0.61,
      1.3875,
      0.6675,
      1.445,
      0.7225
    ],
    "SpacingBetweenSlices": 4,
    "TaskName": "listening",
    "TotalReadoutTime": 0.0245701,
    "TxRefAmp": 336.214,
    "dataset": "ds001554",
    "modality": "bold",
    "subject_id": "17",
    "task_id": "listening"
  },
  "dummy_trs": 0,
  "dvars_nstd": 5.314157525668909,
  "dvars_std": 1.2021949541000954,
  "dvars_vstd": 1.0033439791915288,
  "efc": 0.5393107885949424,
  "fber": 1039753216.0,
  "fd_mean": 0.05400081632027233,
  "fd_num": 1,
  "fd_perc": 0.09615384615384616,
  "fwhm_avg": 3.130787222222222,
  "fwhm_x": 3.1669199999999997,
  "fwhm_y": 3.4857666666666667,
  "fwhm_z": 2.739675,
  "gcor": 0.122768,
  "gsr_x": 0.00010852109699044377,
  "gsr_y": 0.01581038348376751,
  "provenance": {
    "md5sum": "5b322d0a16b46ea53367488d48481f1d",
    "settings": {
      "fd_thres": 0.2,
      "testing": false
    },
    "software": "mriqc",
    "version": "22.0.6",
    "webapi_port": null,
    "webapi_url": "https://mriqc.nimh.nih.gov/api/v1"
  },
  "size_t": 1040,
  "size_x": 64,
  "size_y": 64,
  "size_z": 27,
  "snr": 9.934266231718597,
  "spacing_tr": 1.5,
  "spacing_x": 3.0,
  "spacing_y": 3.0,
  "spacing_z": 4.0,
  "summary_bg_k": 32.30719009151091,
  "summary_bg_mad": 0.40835947982839027,
  "summary_bg_mean": 99.8888931274414,
  "summary_bg_median": 0.2930566668510437,
  "summary_bg_n": 55694.0,
  "summary_bg_p05": 0.0009747507196152584,
  "summary_bg_p95": 819.7143432617182,
  "summary_bg_stdv": 406.33184814453125,
  "summary_fg_k": 1.1616056237955616,
  "summary_fg_mad": 944.8823742350805,
  "summary_fg_mean": 10247.9794921875,
  "summary_fg_median": 10139.6845703125,
  "summary_fg_n": 27028.0,
  "summary_fg_p05": 8796.72646484375,
  "summary_fg_p95": 12020.947802734374,
  "summary_fg_stdv": 1020.6588745117188,
  "tsnr": 228.79876708984375
}