{
  "aor": 0.0012667655502392346,
  "aqi": 0.0007813591559808613,
  "bids_meta": {
    "AcquisitionMatrixPE": 64,
    "AcquisitionNumber": 1,
    "BandwidthPerPixelPhaseEncode": 40.064,
    "BaseResolution": 64,
    "ConversionSoftware": "dcm2niix",
    "ConversionSoftwareVersion": "v1.0.20180518 GCC4.8.5",
    "DerivedVendorReportedEchoSpacing": 0.000780002,
    "DwellTime": 5.4e-06,
    "EchoTime": 0.028,
    "EchoTrainLength": 32,
    "EffectiveEchoSpacing": 0.000390001,
    "FlipAngle": 64,
    "ImageOrientationPatientDICOM": [
      0.999491,
      0.00147636,
      -0.0318736,
      0.0107068,
      0.925494,
      0.378611
    ],
    "InPlanePhaseEncodingDirectionDICOM": "COL",
    "InstitutionName": "Princeton_University",
    "InstitutionalDepartmentName": "NeuroScience",
    "MagneticFieldStrength": 3,
    "Manufacturer": "Siemens",
    "ManufacturersModelName": "Skyra",
    "Modality": "MR",
    "ParallelReductionFactorInPlane": 2,
    "PartialFourier": 1,
    "PercentPhaseFOV": 100,
    "PhaseEncodingDirection": "j-",
    "PhaseEncodingSteps": 64,
    "PhaseResolution": 1,
    "PixelBandwidth": 1445,
    "ReconMatrixPE": 64,
    "RepetitionTime": 1.5,
    "SAR": 0.0913263,
    "ShimSetting": [
      3179,
      10389,
      10180,
      809,
      -186,
      -309,
      683,
      -15
    ],
    "SliceThickness": 4,
    "SliceTiming": [
      0,
      0.7775,
      0.055,
      0.8325,
      0.1125,
      0.89,
      0.1675,
      0.945,
      0.2225,
      1,
      0.2775,
      1.055,
      0.3325,
      1.11,
      0.39,
      1.1675,
      0.445,
      1.2225,
      0.5,
      1.2775,
      0.555,
      1.3325,
      0.61,
      1.3875,
      0.6675,
      1.445,
      0.7225
    ],
    "SpacingBetweenSlices": 4,
    "TaskName": "listening",
    "TotalReadoutTime": 0.0245701,
    "TxRefAmp": 336.214,
    "dataset": "ds001554",
    "modality": "bold",
    "subject_id": "06",
    "task_id": "listening"
  },
  "dummy_trs": 0,
  "dvars_nstd": 5.926227958208806,
  "dvars_std": 1.3581090033620675,
  "dvars_vstd": 1.0249371511398464,
  "efc": 0.5589964201161943,
  "fber": 2484471296.0,
  "fd_mean": 0.047174333969984925,
  "fd_num": 0,
  "fd_perc": 0.0,
  "fwhm_avg": 3.1470137770815163,
  "fwhm_x": 3.1477833333333334,
  "fwhm_y": 3.479533333333333,
  "fwhm_z": 2.8137246645778817,
  "gcor": 0.0921857,
  "gsr_x": -0.0057150390930473804,
  "gsr_y": 0.028549520298838615,
  "provenance": {
    "md5sum": "427b7ec004c3c3f298815aad7f61ab30",
    "settings": {
      "fd_thres": 0.2,
      "testing": false
    },
    "software": "mriqc",
    "version": "22.0.6",
    "webapi_port": null,
    "webapi_url": "https://mriqc.nimh.nih.gov/api/v1"
  },
  "size_t": 1045,
  "size_x": 64,
  "size_y": 64,
  "size_z": 27,
  "snr": 8.66065625103049,
  "spacing_tr": 1.5,
  "spacing_x": 3.0,
  "spacing_y": 3.0,
  "spacing_z": 4.000000476837158,
  "summary_bg_k": 32.74438472745979,
  "summary_bg_mad": 0.2612204308860417,
  "summary_bg_mean": 113.71448516845703,
  "summary_bg_median": 0.1795870065689087,
  "summary_bg_n": 53641.0,
  "summary_bg_p05": 0.0005666237557306886,
  "summary_bg_p95": 929.7017211914062,
  "summary_bg_stdv": 456.44573974609375,
  "summary_fg_k": 1.197179581258819,
  "summary_fg_mad": 1126.0117714416115,
  "summary_fg_mean": 10307.1806640625,
  "summary_fg_median": 10164.935546875,
  "summary_fg_n": 28986.0,
  "summary_fg_p05": 8714.91455078125,
  "summary_fg_p95": 12423.801025390625,
  "summary_fg_stdv": 1173.6708984375,
  "tsnr": 233.57936096191406
}