{
  "aor": 0.0012266730769230768,
  "aqi": 0.0014463954028846153,
  "bids_meta": {
    "AcquisitionMatrixPE": 64,
    "AcquisitionNumber": 1,
    "BandwidthPerPixelPhaseEncode": 40.064,
    "BaseResolution": 64,
    "ConversionSoftware": "dcm2niix",
    "ConversionSoftwareVersion": "v1.0.20180518 GCC4.8.5",
    "DerivedVendorReportedEchoSpacing": 0.000780002,
    "DwellTime": 5.4e-06,
    "EchoTime": 0.028,
    "EchoTrainLength": 32,
    "EffectiveEchoSpacing": 0.000390001,
    "FlipAngle": 64,
    "ImageOrientationPatientDICOM": [
      0.999491,
      0.00147636,
      -0.0318736,
      0.0107068,
      0.925494,
      0.378611
    ],
    "InPlanePhaseEncodingDirectionDICOM": "COL",
    "InstitutionName": "Princeton_University",
    "InstitutionalDepartmentName": "NeuroScience",
    "MagneticFieldStrength": 3,
    "Manufacturer": "Siemens",
    "ManufacturersModelName": "Skyra",
    "Modality": "MR",
    "ParallelReductionFactorInPlane": 2,
    "PartialFourier": 1,
    "PercentPhaseFOV": 100,
    "PhaseEncodingDirection": "j-",
    "PhaseEncodingSteps": 64,
    "PhaseResolution": 1,
    "PixelBandwidth": 1445,
    "ReconMatrixPE": 64,
    "RepetitionTime": 1.5,
    "SAR": 0.0913263,
    "ShimSetting": [
      3179,
      10389,
      10180,
      809,
      -186,
      -309,
      683,
      -15
    ],
    "SliceThickness": 4,
    "SliceTiming": [
      0,
      0.7775,
      0.055,
      0.8325,
      0.1125,
      0.89,
      0.1675,
      0.945,
      0.2225,
      1,
      0.2775,
      1.055,
      0.3325,
      1.11,
      0.39,
      1.1675,
      0.445,
      1.2225,
      0.5,
      1.2775,
      0.555,
      1.3325,
      0.61,
      1.3875,
      0.6675,
      1.445,
      0.7225
    ],
    "SpacingBetweenSlices": 4,
    "TaskName": "listening",
    "TotalReadoutTime": 0.0245701,
    "TxRefAmp": 336.214,
    "dataset": "ds001554",
    "modality": "bold",
    "subject_id": "04",
    "task_id": "listening"
  },
  "dummy_trs": 0,
  "dvars_nstd": 6.504827642232918,
  "dvars_std": 1.463746959538015,
  "dvars_vstd": 1.0020331952069315,
  "efc": 0.5468056578547885,
  "fber": 584928960.0,
  "fd_mean": 0.04891452419752533,
  "fd_num": 10,
  "fd_perc": 0.9615384615384616,
  "fwhm_avg": 3.242077777777778,
  "fwhm_x": 3.237833333333333,
  "fwhm_y": 3.7466000000000004,
  "fwhm_z": 2.7418,
  "gcor": 0.182472,
  "gsr_x": -0.005246535409241915,
  "gsr_y": 0.019510211423039436,
  "provenance": {
    "md5sum": "b183f5752b68a61e843338c5e0196614",
    "settings": {
      "fd_thres": 0.2,
      "testing": false
    },
    "software": "mriqc",
    "version": "22.0.6",
    "webapi_port": null,
    "webapi_url": "https://mriqc.nimh.nih.gov/api/v1"
  },
  "size_t": 1040,
  "size_x": 64,
  "size_y": 64,
  "size_z": 27,
  "snr": 11.019143306684184,
  "spacing_tr": 1.5,
  "spacing_x": 3.0,
  "spacing_y": 3.0,
  "spacing_z": 4.0,
  "summary_bg_k": 26.37112610071885,
  "summary_bg_mad": 0.5227392920224718,
  "summary_bg_mean": 96.11614990234375,
  "summary_bg_median": 0.378727525472641,
  "summary_bg_n": 54820.0,
  "summary_bg_p05": 0.0014295934583060444,
  "summary_bg_p95": 838.2617950439446,
  "summary_bg_stdv": 376.2228088378906,
  "summary_fg_k": 1.2077512941617892,
  "summary_fg_mad": 852.5252327153013,
  "summary_fg_mean": 10209.6455078125,
  "summary_fg_median": 10118.68359375,
  "summary_fg_n": 27737.0,
  "summary_fg_p05": 8904.719921875,
  "summary_fg_p95": 11778.873046875,
  "summary_fg_stdv": 918.2656860351562,
  "tsnr": 196.0919189453125
}