{
  "aor": 0.0003306280193236715,
  "aqi": 0.0006986641584541064,
  "bids_meta": {
    "AcquisitionMatrixPE": 64,
    "AcquisitionNumber": 1,
    "BandwidthPerPixelPhaseEncode": 40.064,
    "BaseResolution": 64,
    "ConversionSoftware": "dcm2niix",
    "ConversionSoftwareVersion": "v1.0.20180518 GCC4.8.5",
    "DerivedVendorReportedEchoSpacing": 0.000780002,
    "DwellTime": 5.4e-06,
    "EchoTime": 0.028,
    "EchoTrainLength": 32,
    "EffectiveEchoSpacing": 0.000390001,
    "FlipAngle": 64,
    "ImageOrientationPatientDICOM": [
      0.999491,
      0.00147636,
      -0.0318736,
      0.0107068,
      0.925494,
      0.378611
    ],
    "InPlanePhaseEncodingDirectionDICOM": "COL",
    "InstitutionName": "Princeton_University",
    "InstitutionalDepartmentName": "NeuroScience",
    "MagneticFieldStrength": 3,
    "Manufacturer": "Siemens",
    "ManufacturersModelName": "Skyra",
    "Modality": "MR",
    "ParallelReductionFactorInPlane": 2,
    "PartialFourier": 1,
    "PercentPhaseFOV": 100,
    "PhaseEncodingDirection": "j-",
    "PhaseEncodingSteps": 64,
    "PhaseResolution": 1,
    "PixelBandwidth": 1445,
    "ReconMatrixPE": 64,
    "RepetitionTime": 1.5,
    "SAR": 0.0913263,
    "ShimSetting": [
      3179,
      10389,
      10180,
      809,
      -186,
      -309,
      683,
      -15
    ],
    "SliceThickness": 4,
    "SliceTiming": [
      0,
      0.7775,
      0.055,
      0.8325,
      0.1125,
      0.89,
      0.1675,
      0.945,
      0.2225,
      1,
      0.2775,
      1.055,
      0.3325,
      1.11,
      0.39,
      1.1675,
      0.445,
      1.2225,
      0.5,
      1.2775,
      0.555,
      1.3325,
      0.61,
      1.3875,
      0.6675,
      1.445,
      0.7225
    ],
    "SpacingBetweenSlices": 4,
    "TaskName": "listening",
    "TotalReadoutTime": 0.0245701,
    "TxRefAmp": 336.214,
    "dataset": "ds001554",
    "modality": "bold",
    "subject_id": "13",
    "task_id": "listening"
  },
  "dummy_trs": 0,
  "dvars_nstd": 5.721115357601544,
  "dvars_std": 1.3541603023114142,
  "dvars_vstd": 1.006639428723405,
  "efc": 0.5927882522565542,
  "fber": 1507599872.0,
  "fd_mean": 0.032313829407177856,
  "fd_num": 0,
  "fd_perc": 0.0,
  "fwhm_avg": 3.326913888888889,
  "fwhm_x": 3.3699666666666666,
  "fwhm_y": 3.8255,
  "fwhm_z": 2.785275,
  "gcor": 0.119112,
  "gsr_x": -0.014281115494668484,
  "gsr_y": 0.02686319127678871,
  "provenance": {
    "md5sum": "f15f5a053653921097da1934f8784833",
    "settings": {
      "fd_thres": 0.2,
      "testing": false
    },
    "software": "mriqc",
    "version": "22.0.6",
    "webapi_port": null,
    "webapi_url": "https://mriqc.nimh.nih.gov/api/v1"
  },
  "size_t": 1035,
  "size_x": 64,
  "size_y": 64,
  "size_z": 27,
  "snr": 8.693543722797038,
  "spacing_tr": 1.5,
  "spacing_x": 3.0,
  "spacing_y": 3.0,
  "spacing_z": 4.0,
  "summary_bg_k": 21.20569971178203,
  "summary_bg_mad": 0.31706812093358144,
  "summary_bg_mean": 144.48910522460938,
  "summary_bg_median": 0.22290831804275513,
  "summary_bg_n": 49074.0,
  "summary_bg_p05": 0.0013898675388190895,
  "summary_bg_p95": 1185.811975097655,
  "summary_bg_stdv": 503.4986572265625,
  "summary_fg_k": 1.6193687690421594,
  "summary_fg_mad": 1049.9227144209817,
  "summary_fg_mean": 10326.248046875,
  "summary_fg_median": 10248.5205078125,
  "summary_fg_n": 32017.0,
  "summary_fg_p05": 8567.6359375,
  "summary_fg_p95": 12335.563671874992,
  "summary_fg_stdv": 1178.8472900390625,
  "tsnr": 257.28326416015625
}