{
  "aor": 0.0006238173076923076,
  "aqi": 0.0013287239326923077,
  "bids_meta": {
    "AcquisitionMatrixPE": 64,
    "AcquisitionNumber": 1,
    "BandwidthPerPixelPhaseEncode": 40.064,
    "BaseResolution": 64,
    "ConversionSoftware": "dcm2niix",
    "ConversionSoftwareVersion": "v1.0.20180518 GCC4.8.5",
    "DerivedVendorReportedEchoSpacing": 0.000780002,
    "DwellTime": 5.4e-06,
    "EchoTime": 0.028,
    "EchoTrainLength": 32,
    "EffectiveEchoSpacing": 0.000390001,
    "FlipAngle": 64,
    "ImageOrientationPatientDICOM": [
      0.999491,
      0.00147636,
      -0.0318736,
      0.0107068,
      0.925494,
      0.378611
    ],
    "InPlanePhaseEncodingDirectionDICOM": "COL",
    "InstitutionName": "Princeton_University",
    "InstitutionalDepartmentName": "NeuroScience",
    "MagneticFieldStrength": 3,
    "Manufacturer": "Siemens",
    "ManufacturersModelName": "Skyra",
    "Modality": "MR",
    "ParallelReductionFactorInPlane": 2,
    "PartialFourier": 1,
    "PercentPhaseFOV": 100,
    "PhaseEncodingDirection": "j-",
    "PhaseEncodingSteps": 64,
    "PhaseResolution": 1,
    "PixelBandwidth": 1445,
    "ReconMatrixPE": 64,
    "RepetitionTime": 1.5,
    "SAR": 0.0913263,
    "ShimSetting": [
      3179,
      10389,
      10180,
      809,
      -186,
      -309,
      683,
      -15
    ],
    "SliceThickness": 4,
    "SliceTiming": [
      0,
      0.7775,
      0.055,
      0.8325,
      0.1125,
      0.89,
      0.1675,
      0.945,
      0.2225,
      1,
      0.2775,
      1.055,
      0.3325,
      1.11,
      0.39,
      1.1675,
      0.445,
      1.2225,
      0.5,
      1.2775,
      0.555,
      1.3325,
      0.61,
      1.3875,
      0.6675,
      1.445,
      0.7225
    ],
    "SpacingBetweenSlices": 4,
    "TaskName": "listening",
    "TotalReadoutTime": 0.0245701,
    "TxRefAmp": 336.214,
    "dataset": "ds001554",
    "modality": "bold",
    "subject_id": "18",
    "task_id": "listening"
  },
  "dummy_trs": 0,
  "dvars_nstd": 5.205836020490858,
  "dvars_std": 1.1201576469008665,
  "dvars_vstd": 1.0105499584215605,
  "efc": 0.5424428378444414,
  "fber": 2510597120.0,
  "fd_mean": 0.053124167202944085,
  "fd_num": 0,
  "fd_perc": 0.0,
  "fwhm_avg": 3.042737572022593,
  "fwhm_x": 3.06298,
  "fwhm_y": 3.476233333333333,
  "fwhm_z": 2.5889993827344457,
  "gcor": 0.250924,
  "gsr_x": 0.0029787584207952023,
  "gsr_y": 0.019703146070241928,
  "provenance": {
    "md5sum": "81c770963054cd88ec9492ed30a27ced",
    "settings": {
      "fd_thres": 0.2,
      "testing": false
    },
    "software": "mriqc",
    "version": "22.0.6",
    "webapi_port": null,
    "webapi_url": "https://mriqc.nimh.nih.gov/api/v1"
  },
  "size_t": 1040,
  "size_x": 64,
  "size_y": 64,
  "size_z": 27,
  "snr": 9.431735029380823,
  "spacing_tr": 1.5,
  "spacing_x": 3.0,
  "spacing_y": 3.0,
  "spacing_z": 4.000000953674316,
  "summary_bg_k": 30.65611190952071,
  "summary_bg_mad": 0.25452543742658995,
  "summary_bg_mean": 108.1181640625,
  "summary_bg_median": 0.1781482845544815,
  "summary_bg_n": 54941.0,
  "summary_bg_p05": 0.00024674233281984925,
  "summary_bg_p95": 810.8621215820312,
  "summary_bg_stdv": 440.62255859375,
  "summary_fg_k": 1.4611083347727671,
  "summary_fg_mad": 994.6682725607969,
  "summary_fg_mean": 10280.533203125,
  "summary_fg_median": 10171.2763671875,
  "summary_fg_n": 27125.0,
  "summary_fg_p05": 8777.898828125,
  "summary_fg_p95": 12121.412109375,
  "summary_fg_stdv": 1078.3900146484375,
  "tsnr": 180.04136657714844
}