{
  "aor": 0.002839346153846154,
  "aqi": 0.0017124346346153846,
  "bids_meta": {
    "AcquisitionMatrixPE": 64,
    "AcquisitionNumber": 1,
    "BandwidthPerPixelPhaseEncode": 40.064,
    "BaseResolution": 64,
    "ConversionSoftware": "dcm2niix",
    "ConversionSoftwareVersion": "v1.0.20180518 GCC4.8.5",
    "DerivedVendorReportedEchoSpacing": 0.000780002,
    "DwellTime": 5.4e-06,
    "EchoTime": 0.028,
    "EchoTrainLength": 32,
    "EffectiveEchoSpacing": 0.000390001,
    "FlipAngle": 64,
    "ImageOrientationPatientDICOM": [
      0.999491,
      0.00147636,
      -0.0318736,
      0.0107068,
      0.925494,
      0.378611
    ],
    "InPlanePhaseEncodingDirectionDICOM": "COL",
    "InstitutionName": "Princeton_University",
    "InstitutionalDepartmentName": "NeuroScience",
    "MagneticFieldStrength": 3,
    "Manufacturer": "Siemens",
    "ManufacturersModelName": "Skyra",
    "Modality": "MR",
    "ParallelReductionFactorInPlane": 2,
    "PartialFourier": 1,
    "PercentPhaseFOV": 100,
    "PhaseEncodingDirection": "j-",
    "PhaseEncodingSteps": 64,
    "PhaseResolution": 1,
    "PixelBandwidth": 1445,
    "ReconMatrixPE": 64,
    "RepetitionTime": 1.5,
    "SAR": 0.0913263,
    "ShimSetting": [
      3179,
      10389,
      10180,
      809,
      -186,
      -309,
      683,
      -15
    ],
    "SliceThickness": 4,
    "SliceTiming": [
      0,
      0.7775,
      0.055,
      0.8325,
      0.1125,
      0.89,
      0.1675,
      0.945,
      0.2225,
      1,
      0.2775,
      1.055,
      0.3325,
      1.11,
      0.39,
      1.1675,
      0.445,
      1.2225,
      0.5,
      1.2775,
      0.555,
      1.3325,
      0.61,
      1.3875,
      0.6675,
      1.445,
      0.7225
    ],
    "SpacingBetweenSlices": 4,
    "TaskName": "listening",
    "TotalReadoutTime": 0.0245701,
    "TxRefAmp": 336.214,
    "dataset": "ds001554",
    "modality": "bold",
    "subject_id": "15",
    "task_id": "listening"
  },
  "dummy_trs": 0,
  "dvars_nstd": 9.617043571357065,
  "dvars_std": 1.21522672628489,
  "dvars_vstd": 1.0934556490664098,
  "efc": 0.5071276503275894,
  "fber": 17219481600.0,
  "fd_mean": 0.04566052876186541,
  "fd_num": 3,
  "fd_perc": 0.28846153846153844,
  "fwhm_avg": 2.943907672923286,
  "fwhm_x": 2.93975,
  "fwhm_y": 3.253223333333333,
  "fwhm_z": 2.6387496854365247,
  "gcor": 0.084076,
  "gsr_x": -0.0145180718973279,
  "gsr_y": 0.02719792351126671,
  "provenance": {
    "md5sum": "f7df112d60f1f5ef66e8930a327ac953",
    "settings": {
      "fd_thres": 0.2,
      "testing": false
    },
    "software": "mriqc",
    "version": "22.0.6",
    "webapi_port": null,
    "webapi_url": "https://mriqc.nimh.nih.gov/api/v1"
  },
  "size_t": 1040,
  "size_x": 64,
  "size_y": 64,
  "size_z": 27,
  "snr": 9.385580581493613,
  "spacing_tr": 1.5,
  "spacing_x": 3.0,
  "spacing_y": 3.0,
  "spacing_z": 4.000000476837158,
  "summary_bg_k": 50.34927854197239,
  "summary_bg_mad": 0.10446845183426766,
  "summary_bg_mean": 75.78974151611328,
  "summary_bg_median": 0.07092812657356262,
  "summary_bg_n": 59163.0,
  "summary_bg_p05": 0.00022202151740202688,
  "summary_bg_p95": 631.020544433591,
  "summary_bg_stdv": 342.1490783691406,
  "summary_fg_k": 1.1106525578932072,
  "summary_fg_mad": 1097.5918505948864,
  "summary_fg_mean": 11377.2431640625,
  "summary_fg_median": 11244.65234375,
  "summary_fg_n": 24369.0,
  "summary_fg_p05": 9612.574609375,
  "summary_fg_p95": 13506.093164062499,
  "summary_fg_stdv": 1198.0528564453125,
  "tsnr": 154.05288696289062
}