{
  "aor": 0.0004971826923076924,
  "aqi": 0.0008883308298076923,
  "bids_meta": {
    "AcquisitionMatrixPE": 64,
    "AcquisitionNumber": 1,
    "BandwidthPerPixelPhaseEncode": 40.064,
    "BaseResolution": 64,
    "ConversionSoftware": "dcm2niix",
    "ConversionSoftwareVersion": "v1.0.20180518 GCC4.8.5",
    "DerivedVendorReportedEchoSpacing": 0.000780002,
    "DwellTime": 5.4e-06,
    "EchoTime": 0.028,
    "EchoTrainLength": 32,
    "EffectiveEchoSpacing": 0.000390001,
    "FlipAngle": 64,
    "ImageOrientationPatientDICOM": [
      0.999491,
      0.00147636,
      -0.0318736,
      0.0107068,
      0.925494,
      0.378611
    ],
    "InPlanePhaseEncodingDirectionDICOM": "COL",
    "InstitutionName": "Princeton_University",
    "InstitutionalDepartmentName": "NeuroScience",
    "MagneticFieldStrength": 3,
    "Manufacturer": "Siemens",
    "ManufacturersModelName": "Skyra",
    "Modality": "MR",
    "ParallelReductionFactorInPlane": 2,
    "PartialFourier": 1,
    "PercentPhaseFOV": 100,
    "PhaseEncodingDirection": "j-",
    "PhaseEncodingSteps": 64,
    "PhaseResolution": 1,
    "PixelBandwidth": 1445,
    "ReconMatrixPE": 64,
    "RepetitionTime": 1.5,
    "SAR": 0.0913263,
    "ShimSetting": [
      3179,
      10389,
      10180,
      809,
      -186,
      -309,
      683,
      -15
    ],
    "SliceThickness": 4,
    "SliceTiming": [
      0,
      0.7775,
      0.055,
      0.8325,
      0.1125,
      0.89,
      0.1675,
      0.945,
      0.2225,
      1,
      0.2775,
      1.055,
      0.3325,
      1.11,
      0.39,
      1.1675,
      0.445,
      1.2225,
      0.5,
      1.2775,
      0.555,
      1.3325,
      0.61,
      1.3875,
      0.6675,
      1.445,
      0.7225
    ],
    "SpacingBetweenSlices": 4,
    "TaskName": "listening",
    "TotalReadoutTime": 0.0245701,
    "TxRefAmp": 336.214,
    "dataset": "ds001554",
    "modality": "bold",
    "subject_id": "02",
    "task_id": "listening"
  },
  "dummy_trs": 0,
  "dvars_nstd": 5.6195357389124165,
  "dvars_std": 1.233968705072185,
  "dvars_vstd": 1.0048778703561125,
  "efc": 0.5008676291123139,
  "fber": 1198334720.0,
  "fd_mean": 0.039830353403821246,
  "fd_num": 0,
  "fd_perc": 0.0,
  "fwhm_avg": 3.1757303388311318,
  "fwhm_x": 3.1708,
  "fwhm_y": 3.6293666666666664,
  "fwhm_z": 2.727024349826729,
  "gcor": 0.120879,
  "gsr_x": -0.0046929651871323586,
  "gsr_y": 0.01783178374171257,
  "provenance": {
    "md5sum": "e07ca3ba0eedcedb2e3c8cb2c2c311bd",
    "settings": {
      "fd_thres": 0.2,
      "testing": false
    },
    "software": "mriqc",
    "version": "22.0.6",
    "webapi_port": null,
    "webapi_url": "https://mriqc.nimh.nih.gov/api/v1"
  },
  "size_t": 1040,
  "size_x": 64,
  "size_y": 64,
  "size_z": 27,
  "snr": 9.564331984344157,
  "spacing_tr": 1.5,
  "spacing_x": 3.0,
  "spacing_y": 3.0,
  "spacing_z": 4.000000953674316,
  "summary_bg_k": 46.18464547478064,
  "summary_bg_mad": 0.41239598571704267,
  "summary_bg_mean": 89.00180053710938,
  "summary_bg_median": 0.2837682366371155,
  "summary_bg_n": 60487.0,
  "summary_bg_p05": 0.0005717489693779499,
  "summary_bg_p95": 677.0885437011718,
  "summary_bg_stdv": 409.3970642089844,
  "summary_fg_k": 1.015430795828851,
  "summary_fg_mad": 988.7060109047362,
  "summary_fg_mean": 10299.9931640625,
  "summary_fg_median": 10147.7919921875,
  "summary_fg_n": 23539.0,
  "summary_fg_p05": 8881.49921875,
  "summary_fg_p95": 12237.808984374999,
  "summary_fg_stdv": 1060.981201171875,
  "tsnr": 219.28651428222656
}