{
  "aor": 0.0003331472569778633,
  "aqi": 0.0006315404485081809,
  "bids_meta": {
    "AcquisitionMatrixPE": 64,
    "AcquisitionNumber": 1,
    "BandwidthPerPixelPhaseEncode": 40.064,
    "BaseResolution": 64,
    "ConversionSoftware": "dcm2niix",
    "ConversionSoftwareVersion": "v1.0.20180518 GCC4.8.5",
    "DerivedVendorReportedEchoSpacing": 0.000780002,
    "DwellTime": 5.4e-06,
    "EchoTime": 0.028,
    "EchoTrainLength": 32,
    "EffectiveEchoSpacing": 0.000390001,
    "FlipAngle": 64,
    "ImageOrientationPatientDICOM": [
      0.999491,
      0.00147636,
      -0.0318736,
      0.0107068,
      0.925494,
      0.378611
    ],
    "InPlanePhaseEncodingDirectionDICOM": "COL",
    "InstitutionName": "Princeton_University",
    "InstitutionalDepartmentName": "NeuroScience",
    "MagneticFieldStrength": 3,
    "Manufacturer": "Siemens",
    "ManufacturersModelName": "Skyra",
    "Modality": "MR",
    "ParallelReductionFactorInPlane": 2,
    "PartialFourier": 1,
    "PercentPhaseFOV": 100,
    "PhaseEncodingDirection": "j-",
    "PhaseEncodingSteps": 64,
    "PhaseResolution": 1,
    "PixelBandwidth": 1445,
    "ReconMatrixPE": 64,
    "RepetitionTime": 1.5,
    "SAR": 0.0913263,
    "ShimSetting": [
      3179,
      10389,
      10180,
      809,
      -186,
      -309,
      683,
      -15
    ],
    "SliceThickness": 4,
    "SliceTiming": [
      0,
      0.7775,
      0.055,
      0.8325,
      0.1125,
      0.89,
      0.1675,
      0.945,
      0.2225,
      1,
      0.2775,
      1.055,
      0.3325,
      1.11,
      0.39,
      1.1675,
      0.445,
      1.2225,
      0.5,
      1.2775,
      0.555,
      1.3325,
      0.61,
      1.3875,
      0.6675,
      1.445,
      0.7225
    ],
    "SpacingBetweenSlices": 4,
    "TaskName": "listening",
    "TotalReadoutTime": 0.0245701,
    "TxRefAmp": 336.214,
    "dataset": "ds001554",
    "modality": "bold",
    "subject_id": "14",
    "task_id": "listening"
  },
  "dummy_trs": 1,
  "dvars_nstd": 7.291019823699425,
  "dvars_std": 1.5999744706840069,
  "dvars_vstd": 1.0078018233815031,
  "efc": 0.5661055593717931,
  "fber": 3677232640.0,
  "fd_mean": 0.03705318812557554,
  "fd_num": 0,
  "fd_perc": 0.0,
  "fwhm_avg": 2.957673940723575,
  "fwhm_x": 2.9378166666666665,
  "fwhm_y": 3.32628,
  "fwhm_z": 2.6089251555040573,
  "gcor": 0.106359,
  "gsr_x": -0.013512469828128815,
  "gsr_y": 0.02826373465359211,
  "provenance": {
    "md5sum": "1f72d42762568ffa833c5a137c73d099",
    "settings": {
      "fd_thres": 0.2,
      "testing": false
    },
    "software": "mriqc",
    "version": "22.0.6",
    "webapi_port": null,
    "webapi_url": "https://mriqc.nimh.nih.gov/api/v1"
  },
  "size_t": 1039,
  "size_x": 64,
  "size_y": 64,
  "size_z": 27,
  "snr": 8.403993441409538,
  "spacing_tr": 1.5,
  "spacing_x": 3.0,
  "spacing_y": 3.0,
  "spacing_z": 3.999999761581421,
  "summary_bg_k": 27.382576186020458,
  "summary_bg_mad": 0.2095392931612923,
  "summary_bg_mean": 94.96568298339844,
  "summary_bg_median": 0.14392419159412384,
  "summary_bg_n": 52275.0,
  "summary_bg_p05": 0.0006423498853109777,
  "summary_bg_p95": 838.7748535156232,
  "summary_bg_stdv": 374.36505126953125,
  "summary_fg_k": 1.520783519866062,
  "summary_fg_mad": 1061.092905940289,
  "summary_fg_mean": 10314.525390625,
  "summary_fg_median": 10168.818359375,
  "summary_fg_n": 30287.0,
  "summary_fg_p05": 8622.1662109375,
  "summary_fg_p95": 12464.79453125,
  "summary_fg_stdv": 1209.9783935546875,
  "tsnr": 276.7758483886719
}