{
  "aor": 0.0017856057692307691,
  "aqi": 0.0010229419903846153,
  "bids_meta": {
    "AcquisitionMatrixPE": 64,
    "AcquisitionNumber": 1,
    "BandwidthPerPixelPhaseEncode": 40.064,
    "BaseResolution": 64,
    "ConversionSoftware": "dcm2niix",
    "ConversionSoftwareVersion": "v1.0.20180518 GCC4.8.5",
    "DerivedVendorReportedEchoSpacing": 0.000780002,
    "DwellTime": 5.4e-06,
    "EchoTime": 0.028,
    "EchoTrainLength": 32,
    "EffectiveEchoSpacing": 0.000390001,
    "FlipAngle": 64,
    "ImageOrientationPatientDICOM": [
      0.999491,
      0.00147636,
      -0.0318736,
      0.0107068,
      0.925494,
      0.378611
    ],
    "InPlanePhaseEncodingDirectionDICOM": "COL",
    "InstitutionName": "Princeton_University",
    "InstitutionalDepartmentName": "NeuroScience",
    "MagneticFieldStrength": 3,
    "Manufacturer": "Siemens",
    "ManufacturersModelName": "Skyra",
    "Modality": "MR",
    "ParallelReductionFactorInPlane": 2,
    "PartialFourier": 1,
    "PercentPhaseFOV": 100,
    "PhaseEncodingDirection": "j-",
    "PhaseEncodingSteps": 64,
    "PhaseResolution": 1,
    "PixelBandwidth": 1445,
    "ReconMatrixPE": 64,
    "RepetitionTime": 1.5,
    "SAR": 0.0913263,
    "ShimSetting": [
      3179,
      10389,
      10180,
      809,
      -186,
      -309,
      683,
      -15
    ],
    "SliceThickness": 4,
    "SliceTiming": [
      0,
      0.7775,
      0.055,
      0.8325,
      0.1125,
      0.89,
      0.1675,
      0.945,
      0.2225,
      1,
      0.2775,
      1.055,
      0.3325,
      1.11,
      0.39,
      1.1675,
      0.445,
      1.2225,
      0.5,
      1.2775,
      0.555,
      1.3325,
      0.61,
      1.3875,
      0.6675,
      1.445,
      0.7225
    ],
    "SpacingBetweenSlices": 4,
    "TaskName": "listening",
    "TotalReadoutTime": 0.0245701,
    "TxRefAmp": 336.214,
    "dataset": "ds001554",
    "modality": "bold",
    "subject_id": "01",
    "task_id": "listening"
  },
  "dummy_trs": 0,
  "dvars_nstd": 4.826585899769008,
  "dvars_std": 1.048121905890279,
  "dvars_vstd": 0.9996044499711265,
  "efc": 0.5253936601558907,
  "fber": 1806877184.0,
  "fd_mean": 0.052691265519252226,
  "fd_num": 9,
  "fd_perc": 0.8653846153846154,
  "fwhm_avg": 3.4305557857169595,
  "fwhm_x": 3.5103666666666666,
  "fwhm_y": 3.8851999999999998,
  "fwhm_z": 2.8961006904842117,
  "gcor": 0.149005,
  "gsr_x": 0.0035100048407912254,
  "gsr_y": 0.011745324358344078,
  "provenance": {
    "md5sum": "f2c2ddddf42310cb92e1797157013414",
    "settings": {
      "fd_thres": 0.2,
      "testing": false
    },
    "software": "mriqc",
    "version": "22.0.6",
    "webapi_port": null,
    "webapi_url": "https://mriqc.nimh.nih.gov/api/v1"
  },
  "size_t": 1040,
  "size_x": 64,
  "size_y": 64,
  "size_z": 27,
  "snr": 10.035934273866715,
  "spacing_tr": 1.5,
  "spacing_x": 3.0,
  "spacing_y": 3.0,
  "spacing_z": 3.9999990463256836,
  "summary_bg_k": 27.446543885145005,
  "summary_bg_mad": 0.31742824154110477,
  "summary_bg_mean": 97.21805572509766,
  "summary_bg_median": 0.2148774415254593,
  "summary_bg_n": 57275.0,
  "summary_bg_p05": 0.0003049525432288647,
  "summary_bg_p95": 798.2662109374999,
  "summary_bg_stdv": 390.2991943359375,
  "summary_fg_k": 0.5463714986973836,
  "summary_fg_mad": 1024.7257159750316,
  "summary_fg_mean": 10345.2314453125,
  "summary_fg_median": 10285.09765625,
  "summary_fg_n": 25472.0,
  "summary_fg_p05": 8842.327880859375,
  "summary_fg_p95": 12062.00009765625,
  "summary_fg_stdv": 1024.8070068359375,
  "tsnr": 187.31765747070312
}