{
  "aor": 0.0020198461538461538,
  "aqi": 0.0012263757230769232,
  "bids_meta": {
    "AcquisitionMatrixPE": 64,
    "AcquisitionNumber": 1,
    "BandwidthPerPixelPhaseEncode": 40.064,
    "BaseResolution": 64,
    "ConversionSoftware": "dcm2niix",
    "ConversionSoftwareVersion": "v1.0.20180518 GCC4.8.5",
    "DerivedVendorReportedEchoSpacing": 0.000780002,
    "DwellTime": 5.4e-06,
    "EchoTime": 0.028,
    "EchoTrainLength": 32,
    "EffectiveEchoSpacing": 0.000390001,
    "FlipAngle": 64,
    "ImageOrientationPatientDICOM": [
      0.999491,
      0.00147636,
      -0.0318736,
      0.0107068,
      0.925494,
      0.378611
    ],
    "InPlanePhaseEncodingDirectionDICOM": "COL",
    "InstitutionName": "Princeton_University",
    "InstitutionalDepartmentName": "NeuroScience",
    "MagneticFieldStrength": 3,
    "Manufacturer": "Siemens",
    "ManufacturersModelName": "Skyra",
    "Modality": "MR",
    "ParallelReductionFactorInPlane": 2,
    "PartialFourier": 1,
    "PercentPhaseFOV": 100,
    "PhaseEncodingDirection": "j-",
    "PhaseEncodingSteps": 64,
    "PhaseResolution": 1,
    "PixelBandwidth": 1445,
    "ReconMatrixPE": 64,
    "RepetitionTime": 1.5,
    "SAR": 0.0913263,
    "ShimSetting": [
      3179,
      10389,
      10180,
      809,
      -186,
      -309,
      683,
      -15
    ],
    "SliceThickness": 4,
    "SliceTiming": [
      0,
      0.7775,
      0.055,
      0.8325,
      0.1125,
      0.89,
      0.1675,
      0.945,
      0.2225,
      1,
      0.2775,
      1.055,
      0.3325,
      1.11,
      0.39,
      1.1675,
      0.445,
      1.2225,
      0.5,
      1.2775,
      0.555,
      1.3325,
      0.61,
      1.3875,
      0.6675,
      1.445,
      0.7225
    ],
    "SpacingBetweenSlices": 4,
    "TaskName": "listening",
    "TotalReadoutTime": 0.0245701,
    "TxRefAmp": 336.214,
    "dataset": "ds001554",
    "modality": "bold",
    "subject_id": "08",
    "task_id": "listening"
  },
  "dummy_trs": 0,
  "dvars_nstd": 7.854503058777672,
  "dvars_std": 1.4920172520211752,
  "dvars_vstd": 1.0074875973339759,
  "efc": 0.5697415482466378,
  "fber": 595375296.0,
  "fd_mean": 0.04968468925691168,
  "fd_num": 10,
  "fd_perc": 0.9615384615384616,
  "fwhm_avg": 3.2140833333333334,
  "fwhm_x": 3.2076333333333333,
  "fwhm_y": 3.5652666666666666,
  "fwhm_z": 2.86935,
  "gcor": 0.195217,
  "gsr_x": -0.008948840200901031,
  "gsr_y": 0.029285399243235588,
  "provenance": {
    "md5sum": "51e38eb80345a3798479f88a61cfb059",
    "settings": {
      "fd_thres": 0.2,
      "testing": false
    },
    "software": "mriqc",
    "version": "22.0.6",
    "webapi_port": null,
    "webapi_url": "https://mriqc.nimh.nih.gov/api/v1"
  },
  "size_t": 1040,
  "size_x": 64,
  "size_y": 64,
  "size_z": 27,
  "snr": 8.632749666940912,
  "spacing_tr": 1.5,
  "spacing_x": 3.0,
  "spacing_y": 3.0,
  "spacing_z": 4.0,
  "summary_bg_k": 32.9887702895244,
  "summary_bg_mad": 0.4430605826495794,
  "summary_bg_mean": 106.64897918701172,
  "summary_bg_median": 0.30155178904533386,
  "summary_bg_n": 52347.0,
  "summary_bg_p05": 0.00165327072609216,
  "summary_bg_p95": 834.710662841796,
  "summary_bg_stdv": 433.8313293457031,
  "summary_fg_k": 1.4441330535236903,
  "summary_fg_mad": 1118.9549323664198,
  "summary_fg_mean": 10314.048828125,
  "summary_fg_median": 10180.25,
  "summary_fg_n": 30596.0,
  "summary_fg_p05": 8716.31591796875,
  "summary_fg_p95": 12380.306884765625,
  "summary_fg_stdv": 1179.239990234375,
  "tsnr": 182.5642852783203
}