{
  "aor": 0.0012039230769230768,
  "aqi": 0.000824921575,
  "bids_meta": {
    "AcquisitionMatrixPE": 64,
    "AcquisitionNumber": 1,
    "BandwidthPerPixelPhaseEncode": 40.064,
    "BaseResolution": 64,
    "ConversionSoftware": "dcm2niix",
    "ConversionSoftwareVersion": "v1.0.20180518 GCC4.8.5",
    "DerivedVendorReportedEchoSpacing": 0.000780002,
    "DwellTime": 5.4e-06,
    "EchoTime": 0.028,
    "EchoTrainLength": 32,
    "EffectiveEchoSpacing": 0.000390001,
    "FlipAngle": 64,
    "ImageOrientationPatientDICOM": [
      0.999491,
      0.00147636,
      -0.0318736,
      0.0107068,
      0.925494,
      0.378611
    ],
    "InPlanePhaseEncodingDirectionDICOM": "COL",
    "InstitutionName": "Princeton_University",
    "InstitutionalDepartmentName": "NeuroScience",
    "MagneticFieldStrength": 3,
    "Manufacturer": "Siemens",
    "ManufacturersModelName": "Skyra",
    "Modality": "MR",
    "ParallelReductionFactorInPlane": 2,
    "PartialFourier": 1,
    "PercentPhaseFOV": 100,
    "PhaseEncodingDirection": "j-",
    "PhaseEncodingSteps": 64,
    "PhaseResolution": 1,
    "PixelBandwidth": 1445,
    "ReconMatrixPE": 64,
    "RepetitionTime": 1.5,
    "SAR": 0.0913263,
    "ShimSetting": [
      3179,
      10389,
      10180,
      809,
      -186,
      -309,
      683,
      -15
    ],
    "SliceThickness": 4,
    "SliceTiming": [
      0,
      0.7775,
      0.055,
      0.8325,
      0.1125,
      0.89,
      0.1675,
      0.945,
      0.2225,
      1,
      0.2775,
      1.055,
      0.3325,
      1.11,
      0.39,
      1.1675,
      0.445,
      1.2225,
      0.5,
      1.2775,
      0.555,
      1.3325,
      0.61,
      1.3875,
      0.6675,
      1.445,
      0.7225
    ],
    "SpacingBetweenSlices": 4,
    "TaskName": "listening",
    "TotalReadoutTime": 0.0245701,
    "TxRefAmp": 336.214,
    "dataset": "ds001554",
    "modality": "bold",
    "subject_id": "10",
    "task_id": "listening"
  },
  "dummy_trs": 0,
  "dvars_nstd": 5.098985672829642,
  "dvars_std": 1.1496527616458152,
  "dvars_vstd": 1.0021945646294508,
  "efc": 0.5531111613280214,
  "fber": 2100220416.0,
  "fd_mean": 0.029354968041777764,
  "fd_num": 0,
  "fd_perc": 0.0,
  "fwhm_avg": 2.9516631361145946,
  "fwhm_x": 2.9387633333333336,
  "fwhm_y": 3.3397,
  "fwhm_z": 2.57652607501045,
  "gcor": 0.128238,
  "gsr_x": -0.0064359065145254135,
  "gsr_y": 0.01937079057097435,
  "provenance": {
    "md5sum": "c4e7d16daf591b2d8f29ffd6f0724b42",
    "settings": {
      "fd_thres": 0.2,
      "testing": false
    },
    "software": "mriqc",
    "version": "22.0.6",
    "webapi_port": null,
    "webapi_url": "https://mriqc.nimh.nih.gov/api/v1"
  },
  "size_t": 1040,
  "size_x": 64,
  "size_y": 64,
  "size_z": 27,
  "snr": 9.671791302457974,
  "spacing_tr": 1.5,
  "spacing_x": 3.0,
  "spacing_y": 3.0,
  "spacing_z": 3.9999983310699463,
  "summary_bg_k": 37.263545967563196,
  "summary_bg_mad": 0.1997252205535969,
  "summary_bg_mean": 96.88712310791016,
  "summary_bg_median": 0.1347126066684723,
  "summary_bg_n": 53558.0,
  "summary_bg_p05": 0.0,
  "summary_bg_p95": 741.7972137451148,
  "summary_bg_stdv": 394.7194519042969,
  "summary_fg_k": 1.2699075160026236,
  "summary_fg_mad": 964.1019085608154,
  "summary_fg_mean": 10341.76171875,
  "summary_fg_median": 10262.505859375,
  "summary_fg_n": 28446.0,
  "summary_fg_p05": 8799.4208984375,
  "summary_fg_p95": 12199.35546875,
  "summary_fg_stdv": 1061.057373046875,
  "tsnr": 235.18228149414062
}