{
  "aor": 0.002397423076923077,
  "aqi": 0.0017642473682692307,
  "bids_meta": {
    "AcquisitionMatrixPE": 64,
    "AcquisitionNumber": 1,
    "BandwidthPerPixelPhaseEncode": 40.064,
    "BaseResolution": 64,
    "ConversionSoftware": "dcm2niix",
    "ConversionSoftwareVersion": "v1.0.20180518 GCC4.8.5",
    "DerivedVendorReportedEchoSpacing": 0.000780002,
    "DwellTime": 5.4e-06,
    "EchoTime": 0.028,
    "EchoTrainLength": 32,
    "EffectiveEchoSpacing": 0.000390001,
    "FlipAngle": 64,
    "ImageOrientationPatientDICOM": [
      0.999491,
      0.00147636,
      -0.0318736,
      0.0107068,
      0.925494,
      0.378611
    ],
    "InPlanePhaseEncodingDirectionDICOM": "COL",
    "InstitutionName": "Princeton_University",
    "InstitutionalDepartmentName": "NeuroScience",
    "MagneticFieldStrength": 3,
    "Manufacturer": "Siemens",
    "ManufacturersModelName": "Skyra",
    "Modality": "MR",
    "ParallelReductionFactorInPlane": 2,
    "PartialFourier": 1,
    "PercentPhaseFOV": 100,
    "PhaseEncodingDirection": "j-",
    "PhaseEncodingSteps": 64,
    "PhaseResolution": 1,
    "PixelBandwidth": 1445,
    "ReconMatrixPE": 64,
    "RepetitionTime": 1.5,
    "SAR": 0.0913263,
    "ShimSetting": [
      3179,
      10389,
      10180,
      809,
      -186,
      -309,
      683,
      -15
    ],
    "SliceThickness": 4,
    "SliceTiming": [
      0,
      0.7775,
      0.055,
      0.8325,
      0.1125,
      0.89,
      0.1675,
      0.945,
      0.2225,
      1,
      0.2775,
      1.055,
      0.3325,
      1.11,
      0.39,
      1.1675,
      0.445,
      1.2225,
      0.5,
      1.2775,
      0.555,
      1.3325,
      0.61,
      1.3875,
      0.6675,
      1.445,
      0.7225
    ],
    "SpacingBetweenSlices": 4,
    "TaskName": "listening",
    "TotalReadoutTime": 0.0245701,
    "TxRefAmp": 336.214,
    "dataset": "ds001554",
    "modality": "bold",
    "subject_id": "23",
    "task_id": "listening"
  },
  "dummy_trs": 0,
  "dvars_nstd": 5.647095783455241,
  "dvars_std": 1.2085155785563033,
  "dvars_vstd": 1.0092093700096245,
  "efc": 0.6120695057317278,
  "fber": 639555776.0,
  "fd_mean": 0.04059568482375058,
  "fd_num": 14,
  "fd_perc": 1.3461538461538463,
  "fwhm_avg": 2.9045503010393268,
  "fwhm_x": 2.8722600000000003,
  "fwhm_y": 3.3160900000000004,
  "fwhm_z": 2.5253009031179796,
  "gcor": 0.0824769,
  "gsr_x": -0.0181011613458395,
  "gsr_y": 0.048150304704904556,
  "provenance": {
    "md5sum": "124f1e47835912dd3eb0f8dda70ff917",
    "settings": {
      "fd_thres": 0.2,
      "testing": false
    },
    "software": "mriqc",
    "version": "22.0.6",
    "webapi_port": null,
    "webapi_url": "https://mriqc.nimh.nih.gov/api/v1"
  },
  "size_t": 1040,
  "size_x": 64,
  "size_y": 64,
  "size_z": 27,
  "snr": 9.960000166914483,
  "spacing_tr": 1.5,
  "spacing_x": 3.0,
  "spacing_y": 3.0,
  "spacing_z": 3.9999985694885254,
  "summary_bg_k": 45.18440913060361,
  "summary_bg_mad": 0.45150400098923815,
  "summary_bg_mean": 82.69628143310547,
  "summary_bg_median": 0.3245598077774048,
  "summary_bg_n": 46602.0,
  "summary_bg_p05": 0.00430181440897286,
  "summary_bg_p95": 676.487472534179,
  "summary_bg_stdv": 329.47137451171875,
  "summary_fg_k": 1.6284655154549341,
  "summary_fg_mad": 885.9315618047347,
  "summary_fg_mean": 10210.69140625,
  "summary_fg_median": 10090.1904296875,
  "summary_fg_n": 35563.0,
  "summary_fg_p05": 8848.505859375,
  "summary_fg_p95": 12095.7412109375,
  "summary_fg_stdv": 1013.0570678710938,
  "tsnr": 195.2611846923828
}