{
  "aor": 0.0010030865384615384,
  "aqi": 0.0010178774326923075,
  "bids_meta": {
    "AcquisitionMatrixPE": 64,
    "AcquisitionNumber": 1,
    "BandwidthPerPixelPhaseEncode": 40.064,
    "BaseResolution": 64,
    "ConversionSoftware": "dcm2niix",
    "ConversionSoftwareVersion": "v1.0.20180518 GCC4.8.5",
    "DerivedVendorReportedEchoSpacing": 0.000780002,
    "DwellTime": 5.4e-06,
    "EchoTime": 0.028,
    "EchoTrainLength": 32,
    "EffectiveEchoSpacing": 0.000390001,
    "FlipAngle": 64,
    "ImageOrientationPatientDICOM": [
      0.999491,
      0.00147636,
      -0.0318736,
      0.0107068,
      0.925494,
      0.378611
    ],
    "InPlanePhaseEncodingDirectionDICOM": "COL",
    "InstitutionName": "Princeton_University",
    "InstitutionalDepartmentName": "NeuroScience",
    "MagneticFieldStrength": 3,
    "Manufacturer": "Siemens",
    "ManufacturersModelName": "Skyra",
    "Modality": "MR",
    "ParallelReductionFactorInPlane": 2,
    "PartialFourier": 1,
    "PercentPhaseFOV": 100,
    "PhaseEncodingDirection": "j-",
    "PhaseEncodingSteps": 64,
    "PhaseResolution": 1,
    "PixelBandwidth": 1445,
    "ReconMatrixPE": 64,
    "RepetitionTime": 1.5,
    "SAR": 0.0913263,
    "ShimSetting": [
      3179,
      10389,
      10180,
      809,
      -186,
      -309,
      683,
      -15
    ],
    "SliceThickness": 4,
    "SliceTiming": [
      0,
      0.7775,
      0.055,
      0.8325,
      0.1125,
      0.89,
      0.1675,
      0.945,
      0.2225,
      1,
      0.2775,
      1.055,
      0.3325,
      1.11,
      0.39,
      1.1675,
      0.445,
      1.2225,
      0.5,
      1.2775,
      0.555,
      1.3325,
      0.61,
      1.3875,
      0.6675,
      1.445,
      0.7225
    ],
    "SpacingBetweenSlices": 4,
    "TaskName": "listening",
    "TotalReadoutTime": 0.0245701,
    "TxRefAmp": 336.214,
    "dataset": "ds001554",
    "modality": "bold",
    "subject_id": "21",
    "task_id": "listening"
  },
  "dummy_trs": 0,
  "dvars_nstd": 7.371074928402308,
  "dvars_std": 1.464050313041385,
  "dvars_vstd": 1.019806267305101,
  "efc": 0.628188999517875,
  "fber": 763585792.0,
  "fd_mean": 0.04117959037353901,
  "fd_num": 0,
  "fd_perc": 0.0,
  "fwhm_avg": 3.2232419964239867,
  "fwhm_x": 3.1704266666666663,
  "fwhm_y": 3.6580999999999997,
  "fwhm_z": 2.8411993226052945,
  "gcor": 0.169434,
  "gsr_x": -0.013310689479112625,
  "gsr_y": 0.03905516490340233,
  "provenance": {
    "md5sum": "28418b2f2bbbb33d02a23cd3e1085970",
    "settings": {
      "fd_thres": 0.2,
      "testing": false
    },
    "software": "mriqc",
    "version": "22.0.6",
    "webapi_port": null,
    "webapi_url": "https://mriqc.nimh.nih.gov/api/v1"
  },
  "size_t": 1040,
  "size_x": 64,
  "size_y": 64,
  "size_z": 27,
  "snr": 7.603424001721267,
  "spacing_tr": 1.5,
  "spacing_x": 3.0,
  "spacing_y": 3.0,
  "spacing_z": 4.000000953674316,
  "summary_bg_k": 27.590499956704576,
  "summary_bg_mad": 0.41172523367487185,
  "summary_bg_mean": 134.1454315185547,
  "summary_bg_median": 0.27845847606658936,
  "summary_bg_n": 44795.0,
  "summary_bg_p05": 9.186088645947167e-05,
  "summary_bg_p95": 1061.6519042968746,
  "summary_bg_stdv": 510.6083984375,
  "summary_fg_k": 0.9519718459233419,
  "summary_fg_mad": 1237.805625346477,
  "summary_fg_mean": 10328.265625,
  "summary_fg_median": 10141.517578125,
  "summary_fg_n": 36986.0,
  "summary_fg_p05": 8554.796630859375,
  "summary_fg_p95": 12834.018798828125,
  "summary_fg_stdv": 1333.791259765625,
  "tsnr": 195.71124267578125
}