{
  "aor": 0.0009098173076923077,
  "aqi": 0.0026067297971153845,
  "bids_meta": {
    "AcquisitionMatrixPE": 64,
    "AcquisitionNumber": 1,
    "BandwidthPerPixelPhaseEncode": 40.064,
    "BaseResolution": 64,
    "ConversionSoftware": "dcm2niix",
    "ConversionSoftwareVersion": "v1.0.20180518 GCC4.8.5",
    "DerivedVendorReportedEchoSpacing": 0.000780002,
    "DwellTime": 5.4e-06,
    "EchoTime": 0.028,
    "EchoTrainLength": 32,
    "EffectiveEchoSpacing": 0.000390001,
    "FlipAngle": 64,
    "ImageOrientationPatientDICOM": [
      0.999491,
      0.00147636,
      -0.0318736,
      0.0107068,
      0.925494,
      0.378611
    ],
    "InPlanePhaseEncodingDirectionDICOM": "COL",
    "InstitutionName": "Princeton_University",
    "InstitutionalDepartmentName": "NeuroScience",
    "MagneticFieldStrength": 3,
    "Manufacturer": "Siemens",
    "ManufacturersModelName": "Skyra",
    "Modality": "MR",
    "ParallelReductionFactorInPlane": 2,
    "PartialFourier": 1,
    "PercentPhaseFOV": 100,
    "PhaseEncodingDirection": "j-",
    "PhaseEncodingSteps": 64,
    "PhaseResolution": 1,
    "PixelBandwidth": 1445,
    "ReconMatrixPE": 64,
    "RepetitionTime": 1.5,
    "SAR": 0.0913263,
    "ShimSetting": [
      3179,
      10389,
      10180,
      809,
      -186,
      -309,
      683,
      -15
    ],
    "SliceThickness": 4,
    "SliceTiming": [
      0,
      0.7775,
      0.055,
      0.8325,
      0.1125,
      0.89,
      0.1675,
      0.945,
      0.2225,
      1,
      0.2775,
      1.055,
      0.3325,
      1.11,
      0.39,
      1.1675,
      0.445,
      1.2225,
      0.5,
      1.2775,
      0.555,
      1.3325,
      0.61,
      1.3875,
      0.6675,
      1.445,
      0.7225
    ],
    "SpacingBetweenSlices": 4,
    "TaskName": "listening",
    "TotalReadoutTime": 0.0245701,
    "TxRefAmp": 336.214,
    "dataset": "ds001554",
    "modality": "bold",
    "subject_id": "11",
    "task_id": "listening"
  },
  "dummy_trs": 0,
  "dvars_nstd": 8.091012367661211,
  "dvars_std": 1.392178350702596,
  "dvars_vstd": 0.9757997750336862,
  "efc": 0.5856886582698249,
  "fber": 588170368.0,
  "fd_mean": 0.07222196182303076,
  "fd_num": 9,
  "fd_perc": 0.8653846153846154,
  "fwhm_avg": 3.421283694185943,
  "fwhm_x": 3.313466666666667,
  "fwhm_y": 3.9233333333333333,
  "fwhm_z": 3.027051082557827,
  "gcor": 0.290534,
  "gsr_x": -0.01612960360944271,
  "gsr_y": 0.04135056212544441,
  "provenance": {
    "md5sum": "242eb3155c4e01788ab9b73bbb3ef9d3",
    "settings": {
      "fd_thres": 0.2,
      "testing": false
    },
    "software": "mriqc",
    "version": "22.0.6",
    "webapi_port": null,
    "webapi_url": "https://mriqc.nimh.nih.gov/api/v1"
  },
  "size_t": 1040,
  "size_x": 64,
  "size_y": 64,
  "size_z": 27,
  "snr": 9.882654662852797,
  "spacing_tr": 1.5,
  "spacing_x": 3.0,
  "spacing_y": 3.0,
  "spacing_z": 3.9999985694885254,
  "summary_bg_k": 30.306707957572975,
  "summary_bg_mad": 0.5049553143455623,
  "summary_bg_mean": 107.75675201416016,
  "summary_bg_median": 0.3689432442188263,
  "summary_bg_n": 50189.0,
  "summary_bg_p05": 0.003562238300219178,
  "summary_bg_p95": 910.126391601562,
  "summary_bg_stdv": 405.0535888671875,
  "summary_fg_k": 1.7724842581209614,
  "summary_fg_mad": 880.2067481602315,
  "summary_fg_mean": 10209.3740234375,
  "summary_fg_median": 10112.3662109375,
  "summary_fg_n": 32087.0,
  "summary_fg_p05": 8774.1720703125,
  "summary_fg_p95": 11993.333203125,
  "summary_fg_stdv": 1023.2279663085938,
  "tsnr": 133.64724731445312
}