{
  "aor": 0.0006753942307692307,
  "aqi": 0.0010444809394230766,
  "bids_meta": {
    "AcquisitionMatrixPE": 64,
    "AcquisitionNumber": 1,
    "BandwidthPerPixelPhaseEncode": 40.064,
    "BaseResolution": 64,
    "ConversionSoftware": "dcm2niix",
    "ConversionSoftwareVersion": "v1.0.20180518 GCC4.8.5",
    "DerivedVendorReportedEchoSpacing": 0.000780002,
    "DwellTime": 5.4e-06,
    "EchoTime": 0.028,
    "EchoTrainLength": 32,
    "EffectiveEchoSpacing": 0.000390001,
    "FlipAngle": 64,
    "ImageOrientationPatientDICOM": [
      0.999491,
      0.00147636,
      -0.0318736,
      0.0107068,
      0.925494,
      0.378611
    ],
    "InPlanePhaseEncodingDirectionDICOM": "COL",
    "InstitutionName": "Princeton_University",
    "InstitutionalDepartmentName": "NeuroScience",
    "MagneticFieldStrength": 3,
    "Manufacturer": "Siemens",
    "ManufacturersModelName": "Skyra",
    "Modality": "MR",
    "ParallelReductionFactorInPlane": 2,
    "PartialFourier": 1,
    "PercentPhaseFOV": 100,
    "PhaseEncodingDirection": "j-",
    "PhaseEncodingSteps": 64,
    "PhaseResolution": 1,
    "PixelBandwidth": 1445,
    "ReconMatrixPE": 64,
    "RepetitionTime": 1.5,
    "SAR": 0.0913263,
    "ShimSetting": [
      3179,
      10389,
      10180,
      809,
      -186,
      -309,
      683,
      -15
    ],
    "SliceThickness": 4,
    "SliceTiming": [
      0,
      0.7775,
      0.055,
      0.8325,
      0.1125,
      0.89,
      0.1675,
      0.945,
      0.2225,
      1,
      0.2775,
      1.055,
      0.3325,
      1.11,
      0.39,
      1.1675,
      0.445,
      1.2225,
      0.5,
      1.2775,
      0.555,
      1.3325,
      0.61,
      1.3875,
      0.6675,
      1.445,
      0.7225
    ],
    "SpacingBetweenSlices": 4,
    "TaskName": "listening",
    "TotalReadoutTime": 0.0245701,
    "TxRefAmp": 336.214,
    "dataset": "ds001554",
    "modality": "bold",
    "subject_id": "22",
    "task_id": "listening"
  },
  "dummy_trs": 0,
  "dvars_nstd": 5.948958906833486,
  "dvars_std": 1.2262437212993247,
  "dvars_vstd": 1.0001459285274301,
  "efc": 0.5808606486329199,
  "fber": 392617248.0,
  "fd_mean": 0.06054613720263604,
  "fd_num": 7,
  "fd_perc": 0.6730769230769231,
  "fwhm_avg": 3.3798309136752906,
  "fwhm_x": 3.3839666666666663,
  "fwhm_y": 3.7514000000000003,
  "fwhm_z": 3.0041260743592053,
  "gcor": 0.143288,
  "gsr_x": -0.00657752575352788,
  "gsr_y": 0.02908068150281906,
  "provenance": {
    "md5sum": "03577baa37a97c8186718448bcef4828",
    "settings": {
      "fd_thres": 0.2,
      "testing": false
    },
    "software": "mriqc",
    "version": "22.0.6",
    "webapi_port": null,
    "webapi_url": "https://mriqc.nimh.nih.gov/api/v1"
  },
  "size_t": 1040,
  "size_x": 64,
  "size_y": 64,
  "size_z": 27,
  "snr": 9.196952301130674,
  "spacing_tr": 1.5,
  "spacing_x": 3.0,
  "spacing_y": 3.0,
  "spacing_z": 3.9999985694885254,
  "summary_bg_k": 22.63739335603349,
  "summary_bg_mad": 0.6447313245483763,
  "summary_bg_mean": 105.41927337646484,
  "summary_bg_median": 0.47682011127471924,
  "summary_bg_n": 51301.0,
  "summary_bg_p05": 0.0025063741486519575,
  "summary_bg_p95": 981.966796875,
  "summary_bg_stdv": 399.0510559082031,
  "summary_fg_k": 1.0358204348807192,
  "summary_fg_mad": 1043.015004279878,
  "summary_fg_mean": 10249.6748046875,
  "summary_fg_median": 10123.7451171875,
  "summary_fg_n": 31745.0,
  "summary_fg_p05": 8759.52890625,
  "summary_fg_p95": 12244.6263671875,
  "summary_fg_stdv": 1100.75439453125,
  "tsnr": 202.73751831054688
}