{
  "aor": 0.0006405984555984557,
  "aqi": 0.0011279191737451736,
  "bids_meta": {
    "AcquisitionMatrixPE": 64,
    "AcquisitionNumber": 1,
    "BandwidthPerPixelPhaseEncode": 40.064,
    "BaseResolution": 64,
    "ConversionSoftware": "dcm2niix",
    "ConversionSoftwareVersion": "v1.0.20180518 GCC4.8.5",
    "DerivedVendorReportedEchoSpacing": 0.000780002,
    "DwellTime": 5.4e-06,
    "EchoTime": 0.028,
    "EchoTrainLength": 32,
    "EffectiveEchoSpacing": 0.000390001,
    "FlipAngle": 64,
    "ImageOrientationPatientDICOM": [
      0.999491,
      0.00147636,
      -0.0318736,
      0.0107068,
      0.925494,
      0.378611
    ],
    "InPlanePhaseEncodingDirectionDICOM": "COL",
    "InstitutionName": "Princeton_University",
    "InstitutionalDepartmentName": "NeuroScience",
    "MagneticFieldStrength": 3,
    "Manufacturer": "Siemens",
    "ManufacturersModelName": "Skyra",
    "Modality": "MR",
    "ParallelReductionFactorInPlane": 2,
    "PartialFourier": 1,
    "PercentPhaseFOV": 100,
    "PhaseEncodingDirection": "j-",
    "PhaseEncodingSteps": 64,
    "PhaseResolution": 1,
    "PixelBandwidth": 1445,
    "ReconMatrixPE": 64,
    "RepetitionTime": 1.5,
    "SAR": 0.0913263,
    "ShimSetting": [
      3179,
      10389,
      10180,
      809,
      -186,
      -309,
      683,
      -15
    ],
    "SliceThickness": 4,
    "SliceTiming": [
      0,
      0.7775,
      0.055,
      0.8325,
      0.1125,
      0.89,
      0.1675,
      0.945,
      0.2225,
      1,
      0.2775,
      1.055,
      0.3325,
      1.11,
      0.39,
      1.1675,
      0.445,
      1.2225,
      0.5,
      1.2775,
      0.555,
      1.3325,
      0.61,
      1.3875,
      0.6675,
      1.445,
      0.7225
    ],
    "SpacingBetweenSlices": 4,
    "TaskName": "listening",
    "TotalReadoutTime": 0.0245701,
    "TxRefAmp": 336.214,
    "dataset": "ds001554",
    "modality": "bold",
    "subject_id": "07",
    "task_id": "listening"
  },
  "dummy_trs": 4,
  "dvars_nstd": 5.945949390869573,
  "dvars_std": 1.2351348615458952,
  "dvars_vstd": 1.0090821073043479,
  "efc": 0.5597146541883441,
  "fber": 4115781632.0,
  "fd_mean": 0.05649792640305015,
  "fd_num": 0,
  "fd_perc": 0.0,
  "fwhm_avg": 2.9350583333333335,
  "fwhm_x": 3.052796666666667,
  "fwhm_y": 3.1546033333333336,
  "fwhm_z": 2.597775,
  "gcor": 0.127764,
  "gsr_x": -0.007529356982558966,
  "gsr_y": 0.01638041064143181,
  "provenance": {
    "md5sum": "62c4be5f57d1d314bc5d24438b6148f6",
    "settings": {
      "fd_thres": 0.2,
      "testing": false
    },
    "software": "mriqc",
    "version": "22.0.6",
    "webapi_port": null,
    "webapi_url": "https://mriqc.nimh.nih.gov/api/v1"
  },
  "size_t": 1036,
  "size_x": 64,
  "size_y": 64,
  "size_z": 27,
  "snr": 9.755282185050609,
  "spacing_tr": 1.5,
  "spacing_x": 3.0,
  "spacing_y": 3.0,
  "spacing_z": 4.0,
  "summary_bg_k": 53.41245926284243,
  "summary_bg_mad": 0.1989210855065051,
  "summary_bg_mean": 80.40567016601562,
  "summary_bg_median": 0.14071835577487946,
  "summary_bg_n": 53117.0,
  "summary_bg_p05": 0.00037751131458207976,
  "summary_bg_p95": 693.0001831054681,
  "summary_bg_stdv": 323.6139221191406,
  "summary_fg_k": 1.0942475187180962,
  "summary_fg_mad": 1012.5449225528756,
  "summary_fg_mean": 10307.9677734375,
  "summary_fg_median": 10209.55078125,
  "summary_fg_n": 29741.0,
  "summary_fg_p05": 8810.1435546875,
  "summary_fg_p95": 12112.9287109375,
  "summary_fg_stdv": 1046.548828125,
  "tsnr": 203.19456481933594
}