{
  "aor": 0.003805380173243503,
  "aqi": 0.0034626834985563037,
  "bids_meta": {
    "AcquisitionMatrixPE": 64,
    "AcquisitionNumber": 1,
    "BandwidthPerPixelPhaseEncode": 40.064,
    "BaseResolution": 64,
    "ConversionSoftware": "dcm2niix",
    "ConversionSoftwareVersion": "v1.0.20180518 GCC4.8.5",
    "DerivedVendorReportedEchoSpacing": 0.000780002,
    "DwellTime": 5.4e-06,
    "EchoTime": 0.028,
    "EchoTrainLength": 32,
    "EffectiveEchoSpacing": 0.000390001,
    "FlipAngle": 64,
    "ImageOrientationPatientDICOM": [
      0.999491,
      0.00147636,
      -0.0318736,
      0.0107068,
      0.925494,
      0.378611
    ],
    "InPlanePhaseEncodingDirectionDICOM": "COL",
    "InstitutionName": "Princeton_University",
    "InstitutionalDepartmentName": "NeuroScience",
    "MagneticFieldStrength": 3,
    "Manufacturer": "Siemens",
    "ManufacturersModelName": "Skyra",
    "Modality": "MR",
    "ParallelReductionFactorInPlane": 2,
    "PartialFourier": 1,
    "PercentPhaseFOV": 100,
    "PhaseEncodingDirection": "j-",
    "PhaseEncodingSteps": 64,
    "PhaseResolution": 1,
    "PixelBandwidth": 1445,
    "ReconMatrixPE": 64,
    "RepetitionTime": 1.5,
    "SAR": 0.0913263,
    "ShimSetting": [
      3179,
      10389,
      10180,
      809,
      -186,
      -309,
      683,
      -15
    ],
    "SliceThickness": 4,
    "SliceTiming": [
      0,
      0.7775,
      0.055,
      0.8325,
      0.1125,
      0.89,
      0.1675,
      0.945,
      0.2225,
      1,
      0.2775,
      1.055,
      0.3325,
      1.11,
      0.39,
      1.1675,
      0.445,
      1.2225,
      0.5,
      1.2775,
      0.555,
      1.3325,
      0.61,
      1.3875,
      0.6675,
      1.445,
      0.7225
    ],
    "SpacingBetweenSlices": 4,
    "TaskName": "listening",
    "TotalReadoutTime": 0.0245701,
    "TxRefAmp": 336.214,
    "dataset": "ds001554",
    "modality": "bold",
    "subject_id": "12",
    "task_id": "listening"
  },
  "dummy_trs": 1,
  "dvars_nstd": 6.075710263275522,
  "dvars_std": 1.2355426395568425,
  "dvars_vstd": 1.007983048275528,
  "efc": 0.48115917744495684,
  "fber": 1621870464.0,
  "fd_mean": 0.0669816168205873,
  "fd_num": 33,
  "fd_perc": 3.176130895091434,
  "fwhm_avg": 2.905279557741272,
  "fwhm_x": 2.9720999999999997,
  "fwhm_y": 3.28331,
  "fwhm_z": 2.4604286732238165,
  "gcor": 0.0862133,
  "gsr_x": -0.007178904954344034,
  "gsr_y": 0.011737411841750145,
  "provenance": {
    "md5sum": "f5428d5d00dca45fb11f95095da1469f",
    "settings": {
      "fd_thres": 0.2,
      "testing": false
    },
    "software": "mriqc",
    "version": "22.0.6",
    "webapi_port": null,
    "webapi_url": "https://mriqc.nimh.nih.gov/api/v1"
  },
  "size_t": 1039,
  "size_x": 64,
  "size_y": 64,
  "size_z": 27,
  "snr": 10.858744837185595,
  "spacing_tr": 1.5,
  "spacing_x": 3.0,
  "spacing_y": 3.0,
  "spacing_z": 3.999998092651367,
  "summary_bg_k": 45.89164661290402,
  "summary_bg_mad": 0.32030839898965097,
  "summary_bg_mean": 74.30575561523438,
  "summary_bg_median": 0.21753543615341187,
  "summary_bg_n": 62257.0,
  "summary_bg_p05": 0.0007685186923481524,
  "summary_bg_p95": 558.0305908203118,
  "summary_bg_stdv": 339.1739807128906,
  "summary_fg_k": 1.7479939735429602,
  "summary_fg_mad": 856.1593455751148,
  "summary_fg_mean": 10252.2919921875,
  "summary_fg_median": 10202.1279296875,
  "summary_fg_n": 21577.0,
  "summary_fg_p05": 8877.0998046875,
  "summary_fg_p95": 11816.3138671875,
  "summary_fg_stdv": 939.50927734375,
  "tsnr": 154.99505615234375
}