{
  "aor": 0.004034192307692307,
  "aqi": 0.0017497416000000002,
  "bids_meta": {
    "AcquisitionMatrixPE": 64,
    "AcquisitionNumber": 1,
    "BandwidthPerPixelPhaseEncode": 40.064,
    "BaseResolution": 64,
    "ConversionSoftware": "dcm2niix",
    "ConversionSoftwareVersion": "v1.0.20180518 GCC4.8.5",
    "DerivedVendorReportedEchoSpacing": 0.000780002,
    "DwellTime": 5.4e-06,
    "EchoTime": 0.028,
    "EchoTrainLength": 32,
    "EffectiveEchoSpacing": 0.000390001,
    "FlipAngle": 64,
    "ImageOrientationPatientDICOM": [
      0.999491,
      0.00147636,
      -0.0318736,
      0.0107068,
      0.925494,
      0.378611
    ],
    "InPlanePhaseEncodingDirectionDICOM": "COL",
    "InstitutionName": "Princeton_University",
    "InstitutionalDepartmentName": "NeuroScience",
    "MagneticFieldStrength": 3,
    "Manufacturer": "Siemens",
    "ManufacturersModelName": "Skyra",
    "Modality": "MR",
    "ParallelReductionFactorInPlane": 2,
    "PartialFourier": 1,
    "PercentPhaseFOV": 100,
    "PhaseEncodingDirection": "j-",
    "PhaseEncodingSteps": 64,
    "PhaseResolution": 1,
    "PixelBandwidth": 1445,
    "ReconMatrixPE": 64,
    "RepetitionTime": 1.5,
    "SAR": 0.0913263,
    "ShimSetting": [
      3179,
      10389,
      10180,
      809,
      -186,
      -309,
      683,
      -15
    ],
    "SliceThickness": 4,
    "SliceTiming": [
      0,
      0.7775,
      0.055,
      0.8325,
      0.1125,
      0.89,
      0.1675,
      0.945,
      0.2225,
      1,
      0.2775,
      1.055,
      0.3325,
      1.11,
      0.39,
      1.1675,
      0.445,
      1.2225,
      0.5,
      1.2775,
      0.555,
      1.3325,
      0.61,
      1.3875,
      0.6675,
      1.445,
      0.7225
    ],
    "SpacingBetweenSlices": 4,
    "TaskName": "listening",
    "TotalReadoutTime": 0.0245701,
    "TxRefAmp": 336.214,
    "dataset": "ds001554",
    "modality": "bold",
    "subject_id": "05",
    "task_id": "listening"
  },
  "dummy_trs": 0,
  "dvars_nstd": 7.30523882979789,
  "dvars_std": 1.435788615880654,
  "dvars_vstd": 1.0163918143984592,
  "efc": 0.5702841114433691,
  "fber": 879141504.0,
  "fd_mean": 0.04714625865146341,
  "fd_num": 6,
  "fd_perc": 0.5769230769230769,
  "fwhm_avg": 2.827262777777778,
  "fwhm_x": 2.8054733333333335,
  "fwhm_y": 3.16019,
  "fwhm_z": 2.516125,
  "gcor": 0.18134,
  "gsr_x": -0.012111848220229149,
  "gsr_y": 0.03228333219885826,
  "provenance": {
    "md5sum": "c8a530f5c332a60452f4563e0490768b",
    "settings": {
      "fd_thres": 0.2,
      "testing": false
    },
    "software": "mriqc",
    "version": "22.0.6",
    "webapi_port": null,
    "webapi_url": "https://mriqc.nimh.nih.gov/api/v1"
  },
  "size_t": 1040,
  "size_x": 64,
  "size_y": 64,
  "size_z": 27,
  "snr": 10.258672309040705,
  "spacing_tr": 1.5,
  "spacing_x": 3.0,
  "spacing_y": 3.0,
  "spacing_z": 4.0,
  "summary_bg_k": 30.234185372286902,
  "summary_bg_mad": 0.43276287495694,
  "summary_bg_mean": 99.72126770019531,
  "summary_bg_median": 0.301282674074173,
  "summary_bg_n": 52004.0,
  "summary_bg_p05": 0.0014424322696868332,
  "summary_bg_p95": 849.9421691894526,
  "summary_bg_stdv": 400.4853210449219,
  "summary_fg_k": 1.8639585816602713,
  "summary_fg_mad": 853.0609385950348,
  "summary_fg_mean": 10252.591796875,
  "summary_fg_median": 10153.697265625,
  "summary_fg_n": 30295.0,
  "summary_fg_p05": 8846.7498046875,
  "summary_fg_p95": 11989.191210937499,
  "summary_fg_stdv": 989.7508544921875,
  "tsnr": 178.3419647216797
}