{
  "aor": 0.0009975842155919153,
  "aqi": 0.0009759874918190567,
  "bids_meta": {
    "AcquisitionMatrixPE": 64,
    "AcquisitionNumber": 1,
    "BandwidthPerPixelPhaseEncode": 40.064,
    "BaseResolution": 64,
    "ConversionSoftware": "dcm2niix",
    "ConversionSoftwareVersion": "v1.0.20180518 GCC4.8.5",
    "DerivedVendorReportedEchoSpacing": 0.000780002,
    "DwellTime": 5.4e-06,
    "EchoTime": 0.028,
    "EchoTrainLength": 32,
    "EffectiveEchoSpacing": 0.000390001,
    "FlipAngle": 64,
    "ImageOrientationPatientDICOM": [
      0.999491,
      0.00147636,
      -0.0318736,
      0.0107068,
      0.925494,
      0.378611
    ],
    "InPlanePhaseEncodingDirectionDICOM": "COL",
    "InstitutionName": "Princeton_University",
    "InstitutionalDepartmentName": "NeuroScience",
    "MagneticFieldStrength": 3,
    "Manufacturer": "Siemens",
    "ManufacturersModelName": "Skyra",
    "Modality": "MR",
    "ParallelReductionFactorInPlane": 2,
    "PartialFourier": 1,
    "PercentPhaseFOV": 100,
    "PhaseEncodingDirection": "j-",
    "PhaseEncodingSteps": 64,
    "PhaseResolution": 1,
    "PixelBandwidth": 1445,
    "ReconMatrixPE": 64,
    "RepetitionTime": 1.5,
    "SAR": 0.0913263,
    "ShimSetting": [
      3179,
      10389,
      10180,
      809,
      -186,
      -309,
      683,
      -15
    ],
    "SliceThickness": 4,
    "SliceTiming": [
      0,
      0.7775,
      0.055,
      0.8325,
      0.1125,
      0.89,
      0.1675,
      0.945,
      0.2225,
      1,
      0.2775,
      1.055,
      0.3325,
      1.11,
      0.39,
      1.1675,
      0.445,
      1.2225,
      0.5,
      1.2775,
      0.555,
      1.3325,
      0.61,
      1.3875,
      0.6675,
      1.445,
      0.7225
    ],
    "SpacingBetweenSlices": 4,
    "TaskName": "listening",
    "TotalReadoutTime": 0.0245701,
    "TxRefAmp": 336.214,
    "dataset": "ds001554",
    "modality": "bold",
    "subject_id": "03",
    "task_id": "listening"
  },
  "dummy_trs": 1,
  "dvars_nstd": 5.483551356666667,
  "dvars_std": 1.2009285400385346,
  "dvars_vstd": 1.0168607504431577,
  "efc": 0.5846529017769385,
  "fber": 4152020480.0,
  "fd_mean": 0.023075627974039833,
  "fd_num": 0,
  "fd_perc": 0.0,
  "fwhm_avg": 2.9493683333333336,
  "fwhm_x": 3.00625,
  "fwhm_y": 3.31383,
  "fwhm_z": 2.528025,
  "gcor": 0.0800219,
  "gsr_x": -0.016556499525904655,
  "gsr_y": 0.03863990306854248,
  "provenance": {
    "md5sum": "1e90576700a1feafd0965ae60d6be9c9",
    "settings": {
      "fd_thres": 0.2,
      "testing": false
    },
    "software": "mriqc",
    "version": "22.0.6",
    "webapi_port": null,
    "webapi_url": "https://mriqc.nimh.nih.gov/api/v1"
  },
  "size_t": 1039,
  "size_x": 64,
  "size_y": 64,
  "size_z": 27,
  "snr": 7.664419485273376,
  "spacing_tr": 1.5,
  "spacing_x": 3.0,
  "spacing_y": 3.0,
  "spacing_z": 4.0,
  "summary_bg_k": 30.691471683602764,
  "summary_bg_mad": 0.1877201009710814,
  "summary_bg_mean": 100.21803283691406,
  "summary_bg_median": 0.13532376289367676,
  "summary_bg_n": 49712.0,
  "summary_bg_p05": 0.0004440087679540739,
  "summary_bg_p95": 829.6158142089835,
  "summary_bg_stdv": 380.0752868652344,
  "summary_fg_k": 2.5613125775368735,
  "summary_fg_mad": 1044.921103714119,
  "summary_fg_mean": 10312.060546875,
  "summary_fg_median": 10134.98046875,
  "summary_fg_n": 32028.0,
  "summary_fg_p05": 8640.7951171875,
  "summary_fg_p95": 12820.702783203125,
  "summary_fg_stdv": 1322.3209228515625,
  "tsnr": 226.93922424316406
}